STORAGE: NONE
RESTRICTION: || (== net8.0) (== netstandard2.0)
NUGET
  remote: https://api.nuget.org/v3/index.json
    Aardvark.Application (5.5)
      Aardvark.Base.Essentials (>= 5.3 < 5.4)
      Aardvark.Base.Incremental (>= 5.3 < 5.4)
      Aardvark.Rendering (5.5)
      FShade.Core (>= 5.6 < 5.7)
      FShade.GLSL (>= 5.6)
      FSharp.Core (>= 8.0)
    Aardvark.Application.OpenVR (5.5)
      Aardvark.Application (5.5)
      Aardvark.Base.Essentials (>= 5.3 < 5.4)
      Aardvark.Base.Incremental (>= 5.3 < 5.4)
      Aardvark.Base.Tensors (>= 5.3 < 5.4)
      Aardvark.Rendering (5.5)
      Aardvark.Rendering.Text (5.5)
      Aardvark.SceneGraph (5.5)
      FShade.Core (>= 5.6 < 5.7)
      FShade.GLSL (>= 5.6)
      FSharp.Core (>= 8.0)
      Unofficial.OpenVR (>= 1.1 < 1.2)
    Aardvark.Application.OpenVR.GL (5.5)
      Aardvark.Application (5.5)
      Aardvark.Application.OpenVR (5.5)
      Aardvark.Application.Slim (5.5)
      Aardvark.Application.Slim.GL (5.5)
      Aardvark.Base.Essentials (>= 5.3 < 5.4)
      Aardvark.Base.Incremental (>= 5.3 < 5.4)
      Aardvark.Rendering (5.5)
      Aardvark.Rendering.GL (5.5)
      Aardvark.SceneGraph (5.5)
      FShade.Core (>= 5.6 < 5.7)
      FShade.GLSL (>= 5.6)
      FSharp.Core (>= 8.0)
      Unofficial.OpenTK (>= 3.0.21 < 3.1)
      Unofficial.OpenVR (>= 1.1 < 1.2)
    Aardvark.Application.OpenVR.Vulkan (5.5)
      Aardvark.Application (5.5)
      Aardvark.Application.OpenVR (5.5)
      Aardvark.Base.Essentials (>= 5.3 < 5.4)
      Aardvark.Base.Incremental (>= 5.3 < 5.4)
      Aardvark.Rendering (5.5)
      Aardvark.Rendering.Vulkan (5.5)
      Aardvark.SceneGraph (5.5)
      FShade.Core (>= 5.6 < 5.7)
      FShade.GLSL (>= 5.6)
      FSharp.Core (>= 8.0)
      Unofficial.OpenVR (>= 1.1 < 1.2)
    Aardvark.Application.Slim (5.5)
      Aardvark.Application (5.5)
      Aardvark.Base.Essentials (>= 5.3 < 5.4)
      Aardvark.Base.Incremental (>= 5.3 < 5.4)
      Aardvark.Rendering (5.5)
      FShade (>= 5.6 < 5.7)
      FSharp.Core (>= 8.0)
      Silk.NET.GLFW (2.15)
      Unofficial.OpenTK (>= 3.0.21 < 3.1)
    Aardvark.Application.Slim.GL (5.5)
      Aardvark.Application (5.5)
      Aardvark.Application.Slim (5.5)
      Aardvark.Base.Essentials (>= 5.3 < 5.4)
      Aardvark.Base.Incremental (>= 5.3 < 5.4)
      Aardvark.Base.Tensors (>= 5.3 < 5.4)
      Aardvark.Rendering (5.5)
      Aardvark.Rendering.GL (5.5)
      FShade (>= 5.6 < 5.7)
      FSharp.Core (>= 8.0)
      Silk.NET.Core (2.15)
      Silk.NET.GLFW (2.15)
      Unofficial.OpenTK (>= 3.0.21 < 3.1)
    Aardvark.Application.Slim.Vulkan (5.5)
      Aardvark.Application (5.5)
      Aardvark.Application.Slim (5.5)
      Aardvark.Base.Essentials (>= 5.3 < 5.4)
      Aardvark.Base.Incremental (>= 5.3 < 5.4)
      Aardvark.Rendering (5.5)
      Aardvark.Rendering.Vulkan (5.5)
      FShade (>= 5.6 < 5.7)
      FSharp.Core (>= 8.0)
      GLSLangSharp (>= 0.4.14 < 0.5)
      Silk.NET.GLFW (2.15)
      Unofficial.OpenTK (>= 3.0.21 < 3.1)
    Aardvark.Application.Utilities (5.5)
      Aardvark.Application (5.5)
      Aardvark.Application.OpenVR (5.5)
      Aardvark.Application.OpenVR.GL (5.5)
      Aardvark.Application.OpenVR.Vulkan (5.5)
      Aardvark.Application.Slim (5.5)
      Aardvark.Application.Slim.GL (5.5)
      Aardvark.Application.Slim.Vulkan (5.5)
      Aardvark.Base.Essentials (>= 5.3 < 5.4)
      Aardvark.Base.Incremental (>= 5.3 < 5.4)
      Aardvark.Rendering (5.5)
      Aardvark.Rendering.GL (5.5)
      Aardvark.Rendering.Text (5.5)
      Aardvark.Rendering.Vulkan (5.5)
      Aardvark.SceneGraph (5.5)
      FShade.Core (>= 5.6 < 5.7)
      FShade.GLSL (>= 5.6)
      FSharp.Core (>= 8.0)
      Unofficial.OpenTK (>= 3.0.21 < 3.1)
      Unofficial.OpenVR (>= 1.1 < 1.2)
    Aardvark.Assembler (0.1)
      Aardvark.Base.FSharp (>= 5.3)
      FSharp.Core (>= 8.0)
      FSharp.Data.Adaptive (>= 1.2.13 < 1.3)
    Aardvark.Base (5.3)
      Aardvark.Base.Telemetry (5.3)
      System.Collections.Immutable (>= 8.0)
      System.Reflection.Metadata (>= 8.0)
      System.Text.Json (>= 8.0.4)
    Aardvark.Base.Essentials (5.3)
      Aardvark.Base (5.3)
      System.Collections.Immutable (>= 8.0)
    Aardvark.Base.Fonts (5.3)
      Aardvark.Base.FSharp (5.3)
      FSharp.Core (>= 8.0)
      FuzzySharp (>= 2.0.2 < 2.1)
      Unofficial.LibTessDotNet (>= 2.0.2 < 2.1)
      Unofficial.Typography (>= 0.1 < 0.2)
    Aardvark.Base.FSharp (5.3)
      Aardvark.Base (5.3)
      Aardvark.Base.TypeProviders (>= 4.5.15 < 4.6)
      FSharp.Core (>= 8.0)
      FSharp.Data.Adaptive (>= 1.2 < 1.3)
      FsPickler (>= 5.3.2 < 5.4)
      System.Dynamic.Runtime (>= 4.3 < 4.4)
    Aardvark.Base.Incremental (5.3)
      Aardvark.Base (5.3)
      Aardvark.Base.FSharp (5.3)
      Aardvark.Base.TypeProviders (>= 4.5.15 < 4.6)
      FSharp.Core (>= 8.0)
      FSharp.Data.Adaptive (>= 1.2 < 1.3)
      FsPickler (>= 5.3.2 < 5.4)
    Aardvark.Base.IO (5.3)
      Aardvark.Base (5.3)
      Aardvark.Base.Tensors (5.3)
      System.Dynamic.Runtime (>= 4.3 < 4.4)
    Aardvark.Base.Telemetry (5.3)
    Aardvark.Base.Tensors (5.3)
      Aardvark.Base (5.3)
      Aardvark.Base.FSharp (5.3)
      FSharp.Core (>= 8.0)
    Aardvark.Base.TypeProviders (4.5.15)
      FSharp.Core (>= 4.2.3)
    Aardvark.Build (2.0.3)
    Aardvark.Data.Durable (0.4.4)
    Aardvark.Data.Durable.Codec (0.4.4)
      Aardvark.Base (>= 5.3 < 5.4)
      Aardvark.Data.Durable (0.4.4)
    Aardvark.FontProvider (0.1)
      Aardvark.Base.Fonts (>= 5.3)
      FSharp.Core (>= 8.0.100)
    Aardvark.Geometry (5.3)
      Aardvark.Base (5.3)
      Aardvark.Base.FSharp (5.3)
      Aardvark.Base.Tensors (5.3)
      Aardvark.Base.TypeProviders (>= 4.5.15 < 4.6)
      FSharp.Core (>= 8.0)
      FSharp.Data.Adaptive (>= 1.2 < 1.3)
      FsPickler (>= 5.3.2 < 5.4)
      Unofficial.LibTessDotNet (>= 2.0.2 < 2.1)
    Aardvark.Rendering (5.5)
      Aardvark.Base.Essentials (>= 5.3 < 5.4)
      Aardvark.Base.Incremental (>= 5.3 < 5.4)
      Aardvark.Base.Tensors (>= 5.3 < 5.4)
      Aardvark.Rendering.Common (5.5)
      FShade.Core (>= 5.6 < 5.7)
      FShade.GLSL (>= 5.6)
      FSharp.Core (>= 8.0)
      FSharp.Data.Adaptive (>= 1.2.13 < 1.3)
    Aardvark.Rendering.Common (5.5)
      Aardvark.Base (>= 5.3)
      FSharp.Core (>= 8.0)
      System.Reflection.Emit.Lightweight (>= 4.7)
    Aardvark.Rendering.GL (5.5)
      Aardvark.Assembler (>= 0.1 < 0.2)
      Aardvark.Base.Essentials (>= 5.3 < 5.4)
      Aardvark.Base.Incremental (>= 5.3 < 5.4)
      Aardvark.Base.Tensors (>= 5.3 < 5.4)
      Aardvark.Geometry (>= 5.3 < 5.4)
      Aardvark.Rendering (5.5)
      FShade (>= 5.6 < 5.7)
      FSharp.Core (>= 8.0)
      Unofficial.OpenTK (>= 3.0.21 < 3.1)
    Aardvark.Rendering.Text (5.5)
      Aardvark.FontProvider (>= 0.1 < 0.2)
      Aardvark.Rendering (5.5)
      Aardvark.SceneGraph (5.5)
      CommonMark.NET (>= 0.15.1 < 0.16)
      FSharp.Core (>= 8.0)
    Aardvark.Rendering.Vulkan (5.5)
      Aardvark.Base.FSharp (>= 5.3 < 5.4)
      Aardvark.Base.Incremental (>= 5.3 < 5.4)
      Aardvark.Base.Tensors (>= 5.3 < 5.4)
      Aardvark.Rendering (5.5)
      FShade (>= 5.6 < 5.7)
      FSharp.Core (>= 8.0)
      GLSLangSharp (>= 0.4.14 < 0.5)
    Aardvark.SceneGraph (5.5)
      Aardvark.Base.Incremental (>= 5.3 < 5.4)
      Aardvark.Rendering (5.5)
      FShade.Core (>= 5.6 < 5.7)
      FShade.GLSL (>= 5.6)
      FSharp.Core (>= 8.0)
    CommonMark.NET (0.15.1)
    Crc32.NET (1.2)
      NETStandard.Library (>= 2.0)
    FShade (5.6)
      FShade.Core (5.6)
      FShade.GLSL (5.6)
      FShade.Imperative (5.6)
      FShade.SpirV (5.6)
    FShade.Core (5.6)
      Aardvark.Base (>= 5.3 < 5.4)
      Aardvark.Base.FSharp (>= 5.3 < 5.4)
      FShade.Imperative (5.6)
      FSharp.Core (>= 8.0)
    FShade.GLSL (5.6)
      Aardvark.Base (>= 5.3 < 5.4)
      Aardvark.Base.FSharp (>= 5.3 < 5.4)
      FShade.Core (5.6)
      FShade.Imperative (5.6)
      FSharp.Core (>= 8.0)
    FShade.Imperative (5.6)
      Aardvark.Base (>= 5.3 < 5.4)
      Aardvark.Base.FSharp (>= 5.3 < 5.4)
      FSharp.Core (>= 8.0)
      FsPickler (>= 5.3.2 < 5.4)
    FShade.SpirV (5.6)
      Aardvark.Base (>= 5.3 < 5.4)
      Aardvark.Base.FSharp (>= 5.3 < 5.4)
      FShade.Core (5.6)
      FShade.Imperative (5.6)
      FSharp.Core (>= 8.0)
    FSharp.Core (8.0.100)
    FSharp.Data.Adaptive (1.2.14)
      FSharp.Core (>= 4.7)
      System.Reflection.Emit.Lightweight (>= 4.6)
    FsPickler (5.3.2)
      FSharp.Core (>= 4.3.2)
      System.Reflection.Emit.Lightweight (>= 4.3)
    FuzzySharp (2.0.2)
    GLSLangSharp (0.4.15)
      FSharp.Core (>= 5.0)
    Microsoft.Bcl.AsyncInterfaces (8.0)
      System.Threading.Tasks.Extensions (>= 4.5.4) - restriction: || (&& (== net8.0) (>= net462)) (&& (== net8.0) (< netstandard2.1)) (== netstandard2.0)
    Microsoft.Bcl.HashCode (1.1.1) - restriction: || (&& (== net8.0) (< netstandard2.1)) (== netstandard2.0)
    Microsoft.CSharp (4.7)
    Microsoft.DotNet.PlatformAbstractions (3.1.6)
    Microsoft.Extensions.DependencyModel (6.0)
      System.Buffers (>= 4.5.1)
      System.Memory (>= 4.5.4)
      System.Runtime.CompilerServices.Unsafe (>= 6.0)
      System.Text.Encodings.Web (>= 6.0)
      System.Text.Json (>= 6.0)
    Microsoft.NETCore.Platforms (7.0.4)
    Microsoft.NETCore.Targets (5.0)
    NETStandard.Library (2.0.3)
      Microsoft.NETCore.Platforms (>= 1.1)
    Nullable (1.3.1)
    SharpCompress (0.30.1)
      System.Memory (>= 4.5.4) - restriction: || (&& (== net8.0) (>= net461)) (&& (== net8.0) (< netstandard2.1)) (== netstandard2.0)
      System.Text.Encoding.CodePages (>= 5.0) - restriction: || (&& (== net8.0) (>= net461)) (&& (== net8.0) (< netcoreapp3.1)) (&& (== net8.0) (< netstandard2.1)) (== netstandard2.0)
    Silk.NET.Core (2.15)
      Microsoft.Bcl.HashCode (>= 1.1.1) - restriction: || (&& (== net8.0) (< netstandard2.1)) (== netstandard2.0)
      Microsoft.CSharp (>= 4.7)
      Microsoft.DotNet.PlatformAbstractions (>= 3.1.6)
      Microsoft.Extensions.DependencyModel (>= 5.0)
      System.Memory (>= 4.5.4)
      System.Numerics.Vectors (>= 4.5)
      System.Runtime.CompilerServices.Unsafe (>= 6.0)
    Silk.NET.GLFW (2.15)
      Silk.NET.Core (>= 2.15)
      Ultz.Native.GLFW (>= 3.3.3.1)
    System.Buffers (4.5.1)
    System.Collections (4.3)
      Microsoft.NETCore.Platforms (>= 1.1)
      Microsoft.NETCore.Targets (>= 1.1)
      System.Runtime (>= 4.3)
    System.Collections.Immutable (8.0)
      System.Memory (>= 4.5.5) - restriction: || (&& (== net8.0) (>= net462)) (&& (== net8.0) (< net6.0)) (== netstandard2.0)
      System.Runtime.CompilerServices.Unsafe (>= 6.0) - restriction: || (&& (== net8.0) (>= net462)) (&& (== net8.0) (< net6.0)) (&& (== net8.0) (< net7.0)) (== netstandard2.0)
    System.Diagnostics.Debug (4.3)
      Microsoft.NETCore.Platforms (>= 1.1)
      Microsoft.NETCore.Targets (>= 1.1)
      System.Runtime (>= 4.3)
    System.Dynamic.Runtime (4.3)
      System.Collections (>= 4.3)
      System.Diagnostics.Debug (>= 4.3)
      System.Linq (>= 4.3)
      System.Linq.Expressions (>= 4.3)
      System.ObjectModel (>= 4.3)
      System.Reflection (>= 4.3)
      System.Reflection.Emit (>= 4.3)
      System.Reflection.Emit.ILGeneration (>= 4.3)
      System.Reflection.Primitives (>= 4.3)
      System.Reflection.TypeExtensions (>= 4.3)
      System.Resources.ResourceManager (>= 4.3)
      System.Runtime (>= 4.3)
      System.Runtime.Extensions (>= 4.3)
      System.Threading (>= 4.3)
    System.Globalization (4.3)
      Microsoft.NETCore.Platforms (>= 1.1)
      Microsoft.NETCore.Targets (>= 1.1)
      System.Runtime (>= 4.3)
    System.IO (4.3)
      Microsoft.NETCore.Platforms (>= 1.1)
      Microsoft.NETCore.Targets (>= 1.1)
      System.Runtime (>= 4.3)
      System.Text.Encoding (>= 4.3)
      System.Threading.Tasks (>= 4.3)
    System.Linq (4.3)
      System.Collections (>= 4.3)
      System.Diagnostics.Debug (>= 4.3)
      System.Resources.ResourceManager (>= 4.3)
      System.Runtime (>= 4.3)
      System.Runtime.Extensions (>= 4.3)
    System.Linq.Expressions (4.3)
      System.Collections (>= 4.3)
      System.Diagnostics.Debug (>= 4.3)
      System.Globalization (>= 4.3)
      System.IO (>= 4.3)
      System.Linq (>= 4.3)
      System.ObjectModel (>= 4.3)
      System.Reflection (>= 4.3)
      System.Reflection.Emit (>= 4.3)
      System.Reflection.Emit.ILGeneration (>= 4.3)
      System.Reflection.Emit.Lightweight (>= 4.3)
      System.Reflection.Extensions (>= 4.3)
      System.Reflection.Primitives (>= 4.3)
      System.Reflection.TypeExtensions (>= 4.3)
      System.Resources.ResourceManager (>= 4.3)
      System.Runtime (>= 4.3)
      System.Runtime.Extensions (>= 4.3)
      System.Threading (>= 4.3)
    System.Memory (4.5.5)
      System.Buffers (>= 4.5.1) - restriction: || (&& (== net8.0) (>= monotouch)) (&& (== net8.0) (>= net461)) (&& (== net8.0) (< netcoreapp2.0)) (&& (== net8.0) (< netstandard1.1)) (&& (== net8.0) (< netstandard2.0)) (&& (== net8.0) (>= xamarinios)) (&& (== net8.0) (>= xamarinmac)) (&& (== net8.0) (>= xamarintvos)) (&& (== net8.0) (>= xamarinwatchos)) (== netstandard2.0)
      System.Numerics.Vectors (>= 4.4) - restriction: || (&& (== net8.0) (< netcoreapp2.0)) (== netstandard2.0)
      System.Runtime.CompilerServices.Unsafe (>= 4.5.3) - restriction: || (&& (== net8.0) (>= monotouch)) (&& (== net8.0) (>= net461)) (&& (== net8.0) (< netcoreapp2.0)) (&& (== net8.0) (< netcoreapp2.1)) (&& (== net8.0) (< netstandard1.1)) (&& (== net8.0) (< netstandard2.0)) (&& (== net8.0) (>= uap10.1)) (&& (== net8.0) (>= xamarinios)) (&& (== net8.0) (>= xamarinmac)) (&& (== net8.0) (>= xamarintvos)) (&& (== net8.0) (>= xamarinwatchos)) (== netstandard2.0)
    System.Numerics.Vectors (4.5)
    System.ObjectModel (4.3)
      System.Collections (>= 4.3)
      System.Diagnostics.Debug (>= 4.3)
      System.Resources.ResourceManager (>= 4.3)
      System.Runtime (>= 4.3)
      System.Threading (>= 4.3)
    System.Reflection (4.3)
      Microsoft.NETCore.Platforms (>= 1.1)
      Microsoft.NETCore.Targets (>= 1.1)
      System.IO (>= 4.3)
      System.Reflection.Primitives (>= 4.3)
      System.Runtime (>= 4.3)
    System.Reflection.Emit (4.7)
      System.Reflection.Emit.ILGeneration (>= 4.7) - restriction: || (&& (== net8.0) (< netcoreapp2.0) (< netstandard2.1)) (&& (== net8.0) (< netstandard1.1)) (&& (== net8.0) (< netstandard2.0)) (&& (== net8.0) (>= uap10.1)) (== netstandard2.0)
    System.Reflection.Emit.ILGeneration (4.7)
    System.Reflection.Emit.Lightweight (4.7)
      System.Reflection.Emit.ILGeneration (>= 4.7) - restriction: || (&& (== net8.0) (< netcoreapp2.0) (< netstandard2.1)) (&& (== net8.0) (< netstandard2.0)) (&& (== net8.0) (< portable-net45+wp8)) (&& (== net8.0) (>= uap10.1)) (== netstandard2.0)
    System.Reflection.Extensions (4.3)
      Microsoft.NETCore.Platforms (>= 1.1)
      Microsoft.NETCore.Targets (>= 1.1)
      System.Reflection (>= 4.3)
      System.Runtime (>= 4.3)
    System.Reflection.Metadata (8.0)
      System.Collections.Immutable (>= 8.0)
      System.Memory (>= 4.5.5) - restriction: || (&& (== net8.0) (>= net462)) (&& (== net8.0) (< net6.0)) (== netstandard2.0)
    System.Reflection.Primitives (4.3)
      Microsoft.NETCore.Platforms (>= 1.1)
      Microsoft.NETCore.Targets (>= 1.1)
      System.Runtime (>= 4.3)
    System.Reflection.TypeExtensions (4.7)
    System.Resources.ResourceManager (4.3)
      Microsoft.NETCore.Platforms (>= 1.1)
      Microsoft.NETCore.Targets (>= 1.1)
      System.Globalization (>= 4.3)
      System.Reflection (>= 4.3)
      System.Runtime (>= 4.3)
    System.Runtime (4.3.1)
      Microsoft.NETCore.Platforms (>= 1.1.1)
      Microsoft.NETCore.Targets (>= 1.1.3)
    System.Runtime.CompilerServices.Unsafe (6.0)
    System.Runtime.Extensions (4.3.1)
      Microsoft.NETCore.Platforms (>= 1.1.1)
      Microsoft.NETCore.Targets (>= 1.1.3)
      System.Runtime (>= 4.3.1)
    System.Text.Encoding (4.3)
      Microsoft.NETCore.Platforms (>= 1.1)
      Microsoft.NETCore.Targets (>= 1.1)
      System.Runtime (>= 4.3)
    System.Text.Encoding.CodePages (8.0) - restriction: || (&& (== net8.0) (>= net461)) (&& (== net8.0) (< netcoreapp3.1)) (&& (== net8.0) (< netstandard2.1)) (== netstandard2.0)
      System.Memory (>= 4.5.5) - restriction: || (&& (== net8.0) (>= net462)) (&& (== net8.0) (< net6.0)) (== netstandard2.0)
      System.Runtime.CompilerServices.Unsafe (>= 6.0) - restriction: || (&& (== net8.0) (>= net462)) (&& (== net8.0) (< net6.0)) (&& (== net8.0) (< net7.0)) (== netstandard2.0)
    System.Text.Encodings.Web (8.0)
      System.Buffers (>= 4.5.1) - restriction: || (&& (== net8.0) (>= net462)) (&& (== net8.0) (< net6.0)) (== netstandard2.0)
      System.Memory (>= 4.5.5) - restriction: || (&& (== net8.0) (>= net462)) (&& (== net8.0) (< net6.0)) (== netstandard2.0)
      System.Runtime.CompilerServices.Unsafe (>= 6.0) - restriction: || (&& (== net8.0) (>= net462)) (&& (== net8.0) (< net6.0)) (&& (== net8.0) (< net7.0)) (== netstandard2.0)
    System.Text.Json (8.0.5)
      Microsoft.Bcl.AsyncInterfaces (>= 8.0) - restriction: || (&& (== net8.0) (>= net462)) (&& (== net8.0) (< net6.0)) (== netstandard2.0)
      System.Buffers (>= 4.5.1) - restriction: || (&& (== net8.0) (>= net462)) (&& (== net8.0) (< net6.0)) (== netstandard2.0)
      System.Memory (>= 4.5.5) - restriction: || (&& (== net8.0) (>= net462)) (&& (== net8.0) (< net6.0)) (== netstandard2.0)
      System.Runtime.CompilerServices.Unsafe (>= 6.0) - restriction: || (&& (== net8.0) (>= net462)) (&& (== net8.0) (< net6.0)) (&& (== net8.0) (< net7.0)) (== netstandard2.0)
      System.Text.Encodings.Web (>= 8.0) - restriction: || (&& (== net8.0) (>= net462)) (&& (== net8.0) (< net6.0)) (&& (== net8.0) (< net7.0)) (== netstandard2.0)
      System.Threading.Tasks.Extensions (>= 4.5.4) - restriction: || (&& (== net8.0) (>= net462)) (&& (== net8.0) (< net6.0)) (== netstandard2.0)
    System.Threading (4.3)
      System.Runtime (>= 4.3)
      System.Threading.Tasks (>= 4.3)
    System.Threading.Tasks (4.3)
      Microsoft.NETCore.Platforms (>= 1.1)
      Microsoft.NETCore.Targets (>= 1.1)
      System.Runtime (>= 4.3)
    System.Threading.Tasks.Extensions (4.5.4) - restriction: || (&& (== net8.0) (>= net462)) (&& (== net8.0) (< net6.0)) (== netstandard2.0)
      System.Runtime.CompilerServices.Unsafe (>= 4.5.3) - restriction: || (&& (== net8.0) (>= net461)) (&& (== net8.0) (< netcoreapp2.1)) (&& (== net8.0) (< netstandard1.0)) (&& (== net8.0) (< netstandard2.0)) (&& (== net8.0) (>= wp8)) (== netstandard2.0)
    Ultz.Native.GLFW (3.3.9.2)
    Uncodium.Eigensystems (1.1.2)
      Aardvark.Base (>= 5.1 < 6.0)
    Uncodium.SimpleStore (3.0.30)
      Microsoft.Bcl.AsyncInterfaces (>= 6.0)
      System.Memory (>= 4.5)
    Unofficial.DotSpatial.Projections (0.0.4)
    Unofficial.LibTessDotNet (2.0.2)
    Unofficial.OpenTK (3.0.21)
    Unofficial.OpenVR (1.1)
    Unofficial.Typography (0.1)
      System.Numerics.Vectors (>= 4.5)

GROUP Test
STORAGE: NONE
RESTRICTION: == net8.0
NUGET
  remote: https://api.nuget.org/v3/index.json
    Microsoft.CodeCoverage (17.10)
    Microsoft.NET.Test.Sdk (17.10)
      Microsoft.CodeCoverage (>= 17.10)
      Microsoft.TestPlatform.TestHost (>= 17.10)
    Microsoft.TestPlatform.ObjectModel (17.10)
      System.Reflection.Metadata (>= 1.6)
    Microsoft.TestPlatform.TestHost (17.10)
      Microsoft.TestPlatform.ObjectModel (>= 17.10)
      Newtonsoft.Json (>= 13.0.1)
    Newtonsoft.Json (13.0.3)
    NUnit (4.1)
    NUnit3TestAdapter (4.5)
    System.Collections.Immutable (8.0)
    System.Reflection.Metadata (8.0)
      System.Collections.Immutable (>= 8.0)
