RESTRICTION: || (== net471) (== netstandard2.0)
NUGET
  remote: https://api.nuget.org/v3/index.json
    Aardvark.Base (4.3.2)
      Aardvark.Base.Telemetry (4.3.2)
      DevILSharp (>= 0.2.4 < 0.3)
      System.Collections.Immutable (>= 1.4)
    Aardvark.Base.Essentials (4.3.2)
      Aardvark.Base (4.3.2)
      DevILSharp (>= 0.2.4 < 0.3)
      System.Collections.Immutable (>= 1.4)
      System.Reactive (>= 4.0.0-preview00001 < 4.1.0-preview)
    Aardvark.Base.FSharp (4.3.2)
      Aardvark.Base (4.3.2)
      Aardvark.Base.TypeProviders (4.3.2)
      DevILSharp (>= 0.2.4 < 0.3)
      FSharp.Core (>= 4.3 < 4.4)
      FsPickler (>= 5.2 < 5.3)
      System.Dynamic.Runtime (>= 4.3 < 4.4)
    Aardvark.Base.Incremental (4.3.2)
      Aardvark.Base (4.3.2)
      Aardvark.Base.FSharp (4.3.2)
      Aardvark.Base.TypeProviders (4.3.2)
      DevILSharp (>= 0.2.4 < 0.3)
      FSharp.Core (>= 4.3 < 4.4)
      FsPickler (>= 5.2 < 5.3)
    Aardvark.Base.IO (4.3.2)
      Aardvark.Base (4.3.2)
      DevILSharp (>= 0.2.4 < 0.3)
      System.Dynamic.Runtime (>= 4.3 < 4.4)
    Aardvark.Base.Rendering (4.6.1)
      Aardvark.Base.Essentials (>= 4.3.1 < 4.4)
      Aardvark.Base.Incremental (>= 4.3.1 < 4.4)
      FShade.Core (>= 4.2.25 < 4.3)
      FSharp.Core (>= 4.3 < 4.4)
    Aardvark.Base.Telemetry (4.3.2)
    Aardvark.Base.TypeProviders (4.3.2)
      FSharp.Core (>= 4.3 < 4.4)
    DevILSharp (0.2.4)
      FSharp.Core (>= 4.3 < 4.4)
    FShade.Core (4.2.25)
      Aardvark.Base (>= 4.3 < 4.4)
      Aardvark.Base.FSharp (>= 4.3 < 4.4)
      FShade.Imperative (4.2.25)
      FSharp.Core (>= 4.3 < 4.4)
    FShade.Imperative (4.2.25)
      Aardvark.Base (>= 4.3 < 4.4)
      Aardvark.Base.FSharp (>= 4.3 < 4.4)
      FSharp.Core (>= 4.3 < 4.4)
      FsPickler (>= 5.2 < 5.3)
    FSharp.Core (4.3.4)
    FsPickler (5.2)
      FSharp.Core (>= 3.1.2) - restriction: || (== net471) (&& (== netstandard2.0) (>= net45))
      FSharp.Core (>= 4.3.2) - restriction: || (&& (== net471) (< net45)) (== netstandard2.0)
      System.Reflection.Emit.Lightweight (>= 4.3) - restriction: || (&& (== net471) (< net45)) (== netstandard2.0)
    Microsoft.NETCore.Platforms (2.1.1) - restriction: || (&& (== net471) (< net20)) (&& (== net471) (>= netcoreapp2.0)) (&& (== net471) (< netstandard1.0) (>= win8)) (&& (== net471) (< netstandard1.3) (>= wpa81)) (&& (== net471) (< netstandard1.5) (>= uap10.0)) (&& (== net471) (>= uap10.1)) (&& (== net471) (>= wp8)) (== netstandard2.0)
    Microsoft.NETCore.Targets (2.1) - restriction: || (&& (== net471) (>= dnxcore50)) (&& (== net471) (< net45)) (== netstandard2.0)
    NETStandard.Library (2.0.3) - restriction: || (&& (== net471) (< net20)) (== netstandard2.0)
      Microsoft.NETCore.Platforms (>= 1.1)
    Newtonsoft.Json (11.0.2)
    NUnit (3.10.1)
      NETStandard.Library (>= 2.0) - restriction: || (&& (== net471) (< net20)) (== netstandard2.0)
    NUnit3TestAdapter (3.10)
    System.Collections (4.3) - restriction: || (&& (== net471) (>= dnxcore50)) (&& (== net471) (< net45)) (== netstandard2.0)
      Microsoft.NETCore.Platforms (>= 1.1) - restriction: || (&& (== net471) (>= dnxcore50)) (&& (== net471) (< net45)) (== netstandard2.0)
      Microsoft.NETCore.Targets (>= 1.1) - restriction: || (&& (== net471) (>= dnxcore50)) (&& (== net471) (< net45)) (== netstandard2.0)
      System.Runtime (>= 4.3) - restriction: || (&& (== net471) (>= dnxcore50)) (&& (== net471) (< net45)) (== netstandard2.0)
    System.Collections.Immutable (1.5)
    System.Diagnostics.Debug (4.3) - restriction: || (&& (== net471) (>= dnxcore50)) (&& (== net471) (< net45)) (== netstandard2.0)
      Microsoft.NETCore.Platforms (>= 1.1) - restriction: || (&& (== net471) (>= dnxcore50)) (&& (== net471) (< net45)) (== netstandard2.0)
      Microsoft.NETCore.Targets (>= 1.1) - restriction: || (&& (== net471) (>= dnxcore50)) (&& (== net471) (< net45)) (== netstandard2.0)
      System.Runtime (>= 4.3) - restriction: || (&& (== net471) (>= dnxcore50)) (&& (== net471) (< net45)) (== netstandard2.0)
    System.Dynamic.Runtime (4.3)
      System.Collections (>= 4.3) - restriction: || (&& (== net471) (>= dnxcore50)) (&& (== net471) (< net45)) (== netstandard2.0)
      System.Diagnostics.Debug (>= 4.3) - restriction: || (&& (== net471) (>= dnxcore50)) (&& (== net471) (< net45)) (== netstandard2.0)
      System.Linq (>= 4.3) - restriction: || (&& (== net471) (>= dnxcore50)) (&& (== net471) (< net45)) (== netstandard2.0)
      System.Linq.Expressions (>= 4.3) - restriction: || (&& (== net471) (>= dnxcore50)) (&& (== net471) (< net45)) (== netstandard2.0)
      System.ObjectModel (>= 4.3) - restriction: || (&& (== net471) (>= dnxcore50)) (&& (== net471) (< net45)) (== netstandard2.0)
      System.Reflection (>= 4.3) - restriction: || (&& (== net471) (>= dnxcore50)) (&& (== net471) (< net45)) (== netstandard2.0)
      System.Reflection.Emit (>= 4.3) - restriction: || (&& (== net471) (< net45)) (== netstandard2.0)
      System.Reflection.Emit.ILGeneration (>= 4.3) - restriction: || (&& (== net471) (< net45)) (== netstandard2.0)
      System.Reflection.Primitives (>= 4.3) - restriction: || (&& (== net471) (< net45)) (== netstandard2.0)
      System.Reflection.TypeExtensions (>= 4.3) - restriction: || (&& (== net471) (>= dnxcore50)) (&& (== net471) (< net45)) (== netstandard2.0)
      System.Resources.ResourceManager (>= 4.3) - restriction: || (&& (== net471) (>= dnxcore50)) (&& (== net471) (< net45)) (== netstandard2.0)
      System.Runtime (>= 4.3) - restriction: || (&& (== net471) (>= dnxcore50)) (&& (== net471) (< net45)) (== netstandard2.0)
      System.Runtime.Extensions (>= 4.3) - restriction: || (&& (== net471) (>= dnxcore50)) (&& (== net471) (< net45)) (== netstandard2.0)
      System.Threading (>= 4.3) - restriction: || (&& (== net471) (>= dnxcore50)) (&& (== net471) (< net45)) (== netstandard2.0)
    System.Globalization (4.3) - restriction: || (&& (== net471) (>= dnxcore50)) (&& (== net471) (< net45)) (== netstandard2.0)
      Microsoft.NETCore.Platforms (>= 1.1) - restriction: || (&& (== net471) (>= dnxcore50)) (&& (== net471) (< net45)) (== netstandard2.0)
      Microsoft.NETCore.Targets (>= 1.1) - restriction: || (&& (== net471) (>= dnxcore50)) (&& (== net471) (< net45)) (== netstandard2.0)
      System.Runtime (>= 4.3) - restriction: || (&& (== net471) (>= dnxcore50)) (&& (== net471) (< net45)) (== netstandard2.0)
    System.IO (4.3) - restriction: || (&& (== net471) (>= dnxcore50)) (&& (== net471) (< net45)) (== netstandard2.0)
      Microsoft.NETCore.Platforms (>= 1.1) - restriction: || (&& (== net471) (>= dnxcore50)) (&& (== net471) (< net45)) (== netstandard2.0)
      Microsoft.NETCore.Targets (>= 1.1) - restriction: || (&& (== net471) (>= dnxcore50)) (&& (== net471) (< net45)) (== netstandard2.0)
      System.Runtime (>= 4.3) - restriction: || (&& (== net471) (>= dnxcore50)) (&& (== net471) (< net45)) (== netstandard2.0)
      System.Text.Encoding (>= 4.3) - restriction: || (&& (== net471) (>= dnxcore50)) (&& (== net471) (< net45)) (== netstandard2.0)
      System.Threading.Tasks (>= 4.3) - restriction: || (&& (== net471) (>= dnxcore50)) (&& (== net471) (< net45)) (== netstandard2.0)
    System.Linq (4.3) - restriction: || (&& (== net471) (>= dnxcore50)) (&& (== net471) (< net45)) (== netstandard2.0)
      System.Collections (>= 4.3) - restriction: || (&& (== net471) (>= dnxcore50)) (&& (== net471) (< net45)) (== netstandard2.0)
      System.Diagnostics.Debug (>= 4.3) - restriction: || (&& (== net471) (>= dnxcore50)) (&& (== net471) (< net45)) (== netstandard2.0)
      System.Resources.ResourceManager (>= 4.3) - restriction: || (&& (== net471) (>= dnxcore50)) (&& (== net471) (< net45)) (== netstandard2.0)
      System.Runtime (>= 4.3) - restriction: || (&& (== net471) (>= dnxcore50)) (&& (== net471) (< net45)) (== netstandard2.0)
      System.Runtime.Extensions (>= 4.3) - restriction: || (&& (== net471) (>= dnxcore50)) (&& (== net471) (< net45)) (== netstandard2.0)
    System.Linq.Expressions (4.3) - restriction: || (&& (== net471) (>= dnxcore50)) (&& (== net471) (< net45)) (== netstandard2.0)
      System.Collections (>= 4.3) - restriction: || (&& (== net471) (>= dnxcore50)) (&& (== net471) (< net45)) (== netstandard2.0)
      System.Diagnostics.Debug (>= 4.3) - restriction: || (&& (== net471) (>= dnxcore50)) (&& (== net471) (< net45)) (== netstandard2.0)
      System.Globalization (>= 4.3) - restriction: || (&& (== net471) (>= dnxcore50)) (&& (== net471) (< net45)) (== netstandard2.0)
      System.IO (>= 4.3) - restriction: || (&& (== net471) (>= dnxcore50)) (&& (== net471) (< net45)) (== netstandard2.0)
      System.Linq (>= 4.3) - restriction: || (&& (== net471) (>= dnxcore50)) (&& (== net471) (< net45)) (== netstandard2.0)
      System.ObjectModel (>= 4.3) - restriction: || (&& (== net471) (< net45)) (== netstandard2.0)
      System.Reflection (>= 4.3) - restriction: || (&& (== net471) (>= dnxcore50)) (&& (== net471) (< net45)) (== netstandard2.0)
      System.Reflection.Emit (>= 4.3) - restriction: || (&& (== net471) (< net45)) (== netstandard2.0)
      System.Reflection.Emit.ILGeneration (>= 4.3) - restriction: || (&& (== net471) (>= dnxcore50)) (&& (== net471) (< net45)) (== netstandard2.0)
      System.Reflection.Emit.Lightweight (>= 4.3) - restriction: || (&& (== net471) (>= dnxcore50)) (&& (== net471) (< net45)) (== netstandard2.0)
      System.Reflection.Extensions (>= 4.3) - restriction: || (&& (== net471) (>= dnxcore50)) (&& (== net471) (< net45)) (== netstandard2.0)
      System.Reflection.Primitives (>= 4.3) - restriction: || (&& (== net471) (>= dnxcore50)) (&& (== net471) (< net45)) (== netstandard2.0)
      System.Reflection.TypeExtensions (>= 4.3) - restriction: || (&& (== net471) (>= dnxcore50)) (&& (== net471) (< net45)) (== netstandard2.0)
      System.Resources.ResourceManager (>= 4.3) - restriction: || (&& (== net471) (>= dnxcore50)) (&& (== net471) (< net45)) (== netstandard2.0)
      System.Runtime (>= 4.3) - restriction: || (&& (== net471) (>= dnxcore50)) (&& (== net471) (< net45)) (== netstandard2.0)
      System.Runtime.Extensions (>= 4.3) - restriction: || (&& (== net471) (>= dnxcore50)) (&& (== net471) (< net45)) (== netstandard2.0)
      System.Threading (>= 4.3) - restriction: || (&& (== net471) (>= dnxcore50)) (&& (== net471) (< net45)) (== netstandard2.0)
    System.ObjectModel (4.3) - restriction: || (&& (== net471) (>= dnxcore50)) (&& (== net471) (< net45)) (== netstandard2.0)
      System.Collections (>= 4.3) - restriction: || (&& (== net471) (>= dnxcore50)) (&& (== net471) (< net45)) (== netstandard2.0)
      System.Diagnostics.Debug (>= 4.3) - restriction: || (&& (== net471) (>= dnxcore50)) (&& (== net471) (< net45)) (== netstandard2.0)
      System.Resources.ResourceManager (>= 4.3) - restriction: || (&& (== net471) (>= dnxcore50)) (&& (== net471) (< net45)) (== netstandard2.0)
      System.Runtime (>= 4.3) - restriction: || (&& (== net471) (>= dnxcore50)) (&& (== net471) (< net45)) (== netstandard2.0)
      System.Threading (>= 4.3) - restriction: || (&& (== net471) (>= dnxcore50)) (&& (== net471) (< net45)) (== netstandard2.0)
    System.Reactive (4.0)
      System.Runtime.InteropServices.WindowsRuntime (>= 4.3) - restriction: || (&& (== net471) (< net46)) (== netstandard2.0)
    System.Reflection (4.3) - restriction: || (&& (== net471) (>= dnxcore50)) (&& (== net471) (< net45)) (== netstandard2.0)
      Microsoft.NETCore.Platforms (>= 1.1) - restriction: || (&& (== net471) (>= dnxcore50)) (&& (== net471) (< net45)) (== netstandard2.0)
      Microsoft.NETCore.Targets (>= 1.1) - restriction: || (&& (== net471) (>= dnxcore50)) (&& (== net471) (< net45)) (== netstandard2.0)
      System.IO (>= 4.3) - restriction: || (&& (== net471) (>= dnxcore50)) (&& (== net471) (< net45)) (== netstandard2.0)
      System.Reflection.Primitives (>= 4.3) - restriction: || (&& (== net471) (>= dnxcore50)) (&& (== net471) (< net45)) (== netstandard2.0)
      System.Runtime (>= 4.3) - restriction: || (&& (== net471) (>= dnxcore50)) (&& (== net471) (< net45)) (== netstandard2.0)
    System.Reflection.Emit (4.3) - restriction: || (&& (== net471) (< net45)) (== netstandard2.0)
      System.IO (>= 4.3) - restriction: || (&& (== net471) (< net45)) (== netstandard2.0)
      System.Reflection (>= 4.3) - restriction: || (&& (== net471) (< net45)) (== netstandard2.0)
      System.Reflection.Emit.ILGeneration (>= 4.3) - restriction: || (&& (== net471) (< net45)) (== netstandard2.0)
      System.Reflection.Primitives (>= 4.3) - restriction: || (&& (== net471) (< net45)) (== netstandard2.0)
      System.Runtime (>= 4.3) - restriction: || (&& (== net471) (< net45)) (== netstandard2.0)
    System.Reflection.Emit.ILGeneration (4.3) - restriction: || (&& (== net471) (< net45)) (== netstandard2.0)
      System.Reflection (>= 4.3) - restriction: || (&& (== net471) (< net45)) (== netstandard2.0)
      System.Reflection.Primitives (>= 4.3) - restriction: || (&& (== net471) (< net45)) (== netstandard2.0)
      System.Runtime (>= 4.3) - restriction: || (&& (== net471) (< net45)) (== netstandard2.0)
    System.Reflection.Emit.Lightweight (4.3) - restriction: || (&& (== net471) (< net45)) (== netstandard2.0)
      System.Reflection (>= 4.3) - restriction: || (&& (== net471) (< net45)) (== netstandard2.0)
      System.Reflection.Emit.ILGeneration (>= 4.3) - restriction: || (&& (== net471) (< net45)) (== netstandard2.0)
      System.Reflection.Primitives (>= 4.3) - restriction: || (&& (== net471) (< net45)) (== netstandard2.0)
      System.Runtime (>= 4.3) - restriction: || (&& (== net471) (< net45)) (== netstandard2.0)
    System.Reflection.Extensions (4.3) - restriction: || (&& (== net471) (>= dnxcore50)) (&& (== net471) (< net45)) (== netstandard2.0)
      Microsoft.NETCore.Platforms (>= 1.1) - restriction: || (&& (== net471) (>= dnxcore50)) (&& (== net471) (< net45)) (== netstandard2.0)
      Microsoft.NETCore.Targets (>= 1.1) - restriction: || (&& (== net471) (>= dnxcore50)) (&& (== net471) (< net45)) (== netstandard2.0)
      System.Reflection (>= 4.3) - restriction: || (&& (== net471) (>= dnxcore50)) (&& (== net471) (< net45)) (== netstandard2.0)
      System.Runtime (>= 4.3) - restriction: || (&& (== net471) (>= dnxcore50)) (&& (== net471) (< net45)) (== netstandard2.0)
    System.Reflection.Primitives (4.3) - restriction: || (&& (== net471) (< net45)) (== netstandard2.0)
      Microsoft.NETCore.Platforms (>= 1.1) - restriction: || (&& (== net471) (>= dnxcore50)) (&& (== net471) (< net45)) (== netstandard2.0)
      Microsoft.NETCore.Targets (>= 1.1) - restriction: || (&& (== net471) (>= dnxcore50)) (&& (== net471) (< net45)) (== netstandard2.0)
      System.Runtime (>= 4.3) - restriction: || (&& (== net471) (>= dnxcore50)) (&& (== net471) (< net45)) (== netstandard2.0)
    System.Reflection.TypeExtensions (4.5.1) - restriction: || (&& (== net471) (>= dnxcore50)) (&& (== net471) (< net45)) (== netstandard2.0)
    System.Resources.ResourceManager (4.3) - restriction: || (&& (== net471) (>= dnxcore50)) (&& (== net471) (< net45)) (== netstandard2.0)
      Microsoft.NETCore.Platforms (>= 1.1) - restriction: || (&& (== net471) (>= dnxcore50)) (&& (== net471) (< net45)) (== netstandard2.0)
      Microsoft.NETCore.Targets (>= 1.1) - restriction: || (&& (== net471) (>= dnxcore50)) (&& (== net471) (< net45)) (== netstandard2.0)
      System.Globalization (>= 4.3) - restriction: || (&& (== net471) (>= dnxcore50)) (&& (== net471) (< net45)) (== netstandard2.0)
      System.Reflection (>= 4.3) - restriction: || (&& (== net471) (>= dnxcore50)) (&& (== net471) (< net45)) (== netstandard2.0)
      System.Runtime (>= 4.3) - restriction: || (&& (== net471) (>= dnxcore50)) (&& (== net471) (< net45)) (== netstandard2.0)
    System.Runtime (4.3) - restriction: || (&& (== net471) (>= dnxcore50)) (&& (== net471) (< net45)) (== netstandard2.0)
      Microsoft.NETCore.Platforms (>= 1.1) - restriction: || (&& (== net471) (>= dnxcore50)) (&& (== net471) (< net45)) (== netstandard2.0)
      Microsoft.NETCore.Targets (>= 1.1) - restriction: || (&& (== net471) (>= dnxcore50)) (&& (== net471) (< net45)) (== netstandard2.0)
    System.Runtime.Extensions (4.3) - restriction: || (&& (== net471) (>= dnxcore50)) (&& (== net471) (< net45)) (== netstandard2.0)
      Microsoft.NETCore.Platforms (>= 1.1) - restriction: || (&& (== net471) (>= dnxcore50)) (&& (== net471) (< net45)) (== netstandard2.0)
      Microsoft.NETCore.Targets (>= 1.1) - restriction: || (&& (== net471) (>= dnxcore50)) (&& (== net471) (< net45)) (== netstandard2.0)
      System.Runtime (>= 4.3) - restriction: || (&& (== net471) (>= dnxcore50)) (&& (== net471) (< net45)) (== netstandard2.0)
    System.Runtime.InteropServices.WindowsRuntime (4.3) - restriction: || (&& (== net471) (< net46)) (== netstandard2.0)
      System.Runtime (>= 4.3) - restriction: || (&& (== net471) (>= dnxcore50)) (&& (== net471) (< net45)) (== netstandard2.0)
    System.Text.Encoding (4.3) - restriction: || (&& (== net471) (>= dnxcore50)) (&& (== net471) (< net45)) (== netstandard2.0)
      Microsoft.NETCore.Platforms (>= 1.1) - restriction: || (&& (== net471) (>= dnxcore50)) (&& (== net471) (< net45)) (== netstandard2.0)
      Microsoft.NETCore.Targets (>= 1.1) - restriction: || (&& (== net471) (>= dnxcore50)) (&& (== net471) (< net45)) (== netstandard2.0)
      System.Runtime (>= 4.3) - restriction: || (&& (== net471) (>= dnxcore50)) (&& (== net471) (< net45)) (== netstandard2.0)
    System.Threading (4.3) - restriction: || (&& (== net471) (>= dnxcore50)) (&& (== net471) (< net45)) (== netstandard2.0)
      System.Runtime (>= 4.3) - restriction: || (&& (== net471) (>= dnxcore50)) (&& (== net471) (< net45)) (== netstandard2.0)
      System.Threading.Tasks (>= 4.3) - restriction: || (&& (== net471) (>= dnxcore50)) (&& (== net471) (< net45)) (== netstandard2.0)
    System.Threading.Tasks (4.3) - restriction: || (&& (== net471) (>= dnxcore50)) (&& (== net471) (< net45)) (== netstandard2.0)
      Microsoft.NETCore.Platforms (>= 1.1) - restriction: || (&& (== net471) (>= dnxcore50)) (&& (== net471) (< net45)) (== netstandard2.0)
      Microsoft.NETCore.Targets (>= 1.1) - restriction: || (&& (== net471) (>= dnxcore50)) (&& (== net471) (< net45)) (== netstandard2.0)
      System.Runtime (>= 4.3) - restriction: || (&& (== net471) (>= dnxcore50)) (&& (== net471) (< net45)) (== netstandard2.0)
    Uncodium.Eigensystems (1.0.2)
      Aardvark.Base (>= 4.0 < 5.0)
    Uncodium.SimpleStore (2.0)

GROUP Build
CONTENT: NONE
RESTRICTION: == net471
NUGET
  remote: https://api.nuget.org/v3/index.json
    FAKE (4.63.2)
    Mono.Cecil (0.10.1)
    SourceLink.Fake (1.1)
GITHUB
  remote: aardvark-platform/aardvark.fake
    FULLPROJECT (a6577d8e0d5572104194801c3c14893394276f5e)
      FAKE (>= 4.63 < 4.64)
      Mono.Cecil (>= 0.10.0-beta6 < 0.11)
      SourceLink.Fake (>= 1.1 < 1.2)