RESTRICTION: || (== netcoreapp3.1) (== netstandard2.0)
NUGET
  remote: https://api.nuget.org/v3/index.json
    Aardvark.Application (5.1.0-prerelease0004)
      Aardvark.Base.Essentials (5.1.0-prerelease0007)
      Aardvark.Base.Incremental (5.1.0-prerelease0007)
      Aardvark.Rendering (5.1.0-prerelease0004)
      FShade.Core (5.1.3-prerelease0003)
      FShade.GLSL (>= 5.1.3-prerelease0003)
      FSharp.Core (>= 4.6.2)
    Aardvark.Application.OpenVR (5.1.0-prerelease0004)
      Aardvark.Application (5.1.0-prerelease0004)
      Aardvark.Base.Essentials (5.1.0-prerelease0007)
      Aardvark.Base.Incremental (5.1.0-prerelease0007)
      Aardvark.Rendering (5.1.0-prerelease0004)
      Aardvark.Rendering.Text (5.1.0-prerelease0004)
      Aardvark.SceneGraph (5.1.0-prerelease0004)
      FShade.Core (5.1.3-prerelease0003)
      FShade.GLSL (>= 5.1.3-prerelease0003)
      FSharp.Core (>= 4.6.2)
      Unofficial.OpenVR (>= 1.1 < 1.2)
    Aardvark.Application.OpenVR.GL (5.1.0-prerelease0004)
      Aardvark.Application (5.1.0-prerelease0004)
      Aardvark.Application.OpenVR (5.1.0-prerelease0004)
      Aardvark.Application.Slim (5.1.0-prerelease0004)
      Aardvark.Application.Slim.GL (5.1.0-prerelease0004)
      Aardvark.Base.Essentials (5.1.0-prerelease0007)
      Aardvark.Base.Incremental (5.1.0-prerelease0007)
      Aardvark.Base.Runtime (5.1.0-prerelease0007)
      Aardvark.Rendering (5.1.0-prerelease0004)
      Aardvark.Rendering.GL (5.1.0-prerelease0004)
      Aardvark.SceneGraph (5.1.0-prerelease0004)
      FShade.Core (5.1.3-prerelease0003)
      FShade.GLSL (>= 5.1.3-prerelease0003)
      FSharp.Core (>= 4.6.2)
      Unofficial.OpenTK (>= 3.0.19 < 3.1)
      Unofficial.OpenVR (>= 1.1 < 1.2)
    Aardvark.Application.OpenVR.Vulkan (5.1.0-prerelease0004)
      Aardvark.Application (5.1.0-prerelease0004)
      Aardvark.Application.OpenVR (5.1.0-prerelease0004)
      Aardvark.Base.Essentials (5.1.0-prerelease0007)
      Aardvark.Base.Incremental (5.1.0-prerelease0007)
      Aardvark.Base.Runtime (5.1.0-prerelease0007)
      Aardvark.Rendering (5.1.0-prerelease0004)
      Aardvark.Rendering.Vulkan (5.1.0-prerelease0004)
      Aardvark.SceneGraph (5.1.0-prerelease0004)
      FShade.Core (5.1.3-prerelease0003)
      FShade.GLSL (>= 5.1.3-prerelease0003)
      FSharp.Core (>= 4.6.2)
      Unofficial.OpenVR (>= 1.1 < 1.2)
    Aardvark.Application.Slim (5.1.0-prerelease0004)
      Aardvark.Application (5.1.0-prerelease0004)
      Aardvark.Base.Essentials (5.1.0-prerelease0007)
      Aardvark.Base.Incremental (5.1.0-prerelease0007)
      Aardvark.Base.Runtime (5.1.0-prerelease0007)
      Aardvark.Rendering (5.1.0-prerelease0004)
      FShade (5.1.3-prerelease0003)
      FSharp.Core (>= 4.6.2)
      Unofficial.OpenTK (>= 3.0.19 < 3.1)
    Aardvark.Application.Slim.GL (5.1.0-prerelease0004)
      Aardvark.Application (5.1.0-prerelease0004)
      Aardvark.Base.Essentials (5.1.0-prerelease0007)
      Aardvark.Base.Incremental (5.1.0-prerelease0007)
      Aardvark.Base.Runtime (5.1.0-prerelease0007)
      Aardvark.Rendering (5.1.0-prerelease0004)
      Aardvark.Rendering.GL (5.1.0-prerelease0004)
      FShade (5.1.3-prerelease0003)
      FSharp.Core (>= 4.6.2)
      Silk.NET.GLFW (1.7)
      Unofficial.OpenTK (>= 3.0.19 < 3.1)
    Aardvark.Application.Slim.Vulkan (5.1.0-prerelease0004)
      Aardvark.Application (5.1.0-prerelease0004)
      Aardvark.Application.Slim (5.1.0-prerelease0004)
      Aardvark.Base.Essentials (5.1.0-prerelease0007)
      Aardvark.Base.Incremental (5.1.0-prerelease0007)
      Aardvark.Base.Runtime (5.1.0-prerelease0007)
      Aardvark.Rendering (5.1.0-prerelease0004)
      Aardvark.Rendering.Vulkan (5.1.0-prerelease0004)
      FShade (5.1.3-prerelease0003)
      FSharp.Core (>= 4.6.2)
      GLSLangSharp (>= 0.4.6 < 0.5)
      Unofficial.OpenTK (>= 3.0.19 < 3.1)
    Aardvark.Application.Utilities (5.1.0-prerelease0004)
      Aardvark.Application (5.1.0-prerelease0004)
      Aardvark.Application.OpenVR (5.1.0-prerelease0004)
      Aardvark.Application.OpenVR.GL (5.1.0-prerelease0004)
      Aardvark.Application.OpenVR.Vulkan (5.1.0-prerelease0004)
      Aardvark.Application.Slim (5.1.0-prerelease0004)
      Aardvark.Application.Slim.GL (5.1.0-prerelease0004)
      Aardvark.Application.Slim.Vulkan (5.1.0-prerelease0004)
      Aardvark.Base.Essentials (5.1.0-prerelease0007)
      Aardvark.Base.Incremental (5.1.0-prerelease0007)
      Aardvark.Base.Runtime (5.1.0-prerelease0007)
      Aardvark.Rendering (5.1.0-prerelease0004)
      Aardvark.Rendering.GL (5.1.0-prerelease0004)
      Aardvark.Rendering.Text (5.1.0-prerelease0004)
      Aardvark.Rendering.Vulkan (5.1.0-prerelease0004)
      Aardvark.SceneGraph (5.1.0-prerelease0004)
      FShade.Core (5.1.3-prerelease0003)
      FShade.GLSL (>= 5.1.3-prerelease0003)
      FSharp.Core (>= 4.6.2)
      Unofficial.OpenTK (>= 3.0.19 < 3.1)
      Unofficial.OpenVR (>= 1.1 < 1.2)
    Aardvark.Base (5.1.0-prerelease0007)
      Aardvark.Base.Telemetry (5.1.0-prerelease0007)
      DevILSharp (>= 0.2.9 < 0.3)
      System.Collections.Immutable (>= 1.7.1 < 1.8)
      System.Reflection.Metadata (>= 1.8.1 < 1.9) - restriction: || (&& (== netcoreapp3.1) (< netcoreapp3.0)) (== netstandard2.0)
      System.Text.Json (>= 4.7.2 < 4.8)
    Aardvark.Base.Essentials (5.1.0-prerelease0007)
      Aardvark.Base (5.1.0-prerelease0007)
      DevILSharp (>= 0.2.9 < 0.3)
      System.Collections.Immutable (>= 1.7 < 1.8)
      System.Reactive (>= 4.3.1)
    Aardvark.Base.FSharp (5.1.0-prerelease0007)
      Aardvark.Base (5.1.0-prerelease0007)
      Aardvark.Base.TypeProviders (>= 4.5.15 < 4.6)
      DevILSharp (>= 0.2.9 < 0.3)
      FSharp.Core (>= 4.6.2)
      FSharp.Data.Adaptive (>= 1.0 < 1.1)
      FsPickler (>= 5.3.2 < 5.4)
      System.Dynamic.Runtime (>= 4.3 < 4.4)
    Aardvark.Base.Incremental (5.1.0-prerelease0007)
      Aardvark.Base (5.1.0-prerelease0007)
      Aardvark.Base.FSharp (5.1.0-prerelease0007)
      Aardvark.Base.TypeProviders (>= 4.5.15 < 4.6)
      DevILSharp (>= 0.2.9 < 0.3)
      FSharp.Core (>= 4.6.2)
      FSharp.Data.Adaptive (>= 1.0 < 1.1)
      FsPickler (>= 5.3.2 < 5.4)
    Aardvark.Base.IO (5.1.0-prerelease0007)
      Aardvark.Base (5.1.0-prerelease0007)
      DevILSharp (>= 0.2.9 < 0.3)
      System.Dynamic.Runtime (>= 4.3 < 4.4)
    Aardvark.Base.Runtime (5.1.0-prerelease0007)
      Aardvark.Base.FSharp (5.1.0-prerelease0007)
      Aardvark.Base.Incremental (5.1.0-prerelease0007)
      Aardvark.Base.TypeProviders (>= 4.5.15 < 4.6)
      DevILSharp (>= 0.2.9 < 0.3)
      FSharp.Core (>= 4.6.2)
      FSharp.Data.Adaptive (>= 1.0 < 1.1)
      FsPickler (>= 5.3.2 < 5.4)
    Aardvark.Base.Telemetry (5.1.0-prerelease0007)
    Aardvark.Base.TypeProviders (4.5.15)
      FSharp.Core (>= 4.2.3)
    Aardvark.Data.Durable (0.2.12)
    Aardvark.Geometry (5.1.0-prerelease0007)
      Aardvark.Base.FSharp (5.1.0-prerelease0007)
      Aardvark.Base.TypeProviders (>= 4.5.15 < 4.6)
      DevILSharp (>= 0.2.9 < 0.3)
      FSharp.Core (>= 4.6.2)
      FSharp.Data.Adaptive (>= 1.0 < 1.1)
      FsPickler (>= 5.3.2 < 5.4)
      Unofficial.LibTessDotNet (>= 2.0.2 < 2.1)
    Aardvark.Rendering (5.1.0-prerelease0004)
      Aardvark.Base.Essentials (5.1.0-prerelease0007)
      Aardvark.Base.Incremental (5.1.0-prerelease0007)
      FShade.Core (5.1.3-prerelease0003)
      FShade.GLSL (>= 5.1.3-prerelease0003)
      FSharp.Core (>= 4.6.2)
    Aardvark.Rendering.GL (5.1.0-prerelease0004)
      Aardvark.Base.Essentials (5.1.0-prerelease0007)
      Aardvark.Base.Incremental (5.1.0-prerelease0007)
      Aardvark.Base.Runtime (5.1.0-prerelease0007)
      Aardvark.Geometry (5.1.0-prerelease0007)
      Aardvark.Rendering (5.1.0-prerelease0004)
      FShade (5.1.3-prerelease0003)
      FSharp.Core (>= 4.6.2)
      Unofficial.OpenTK (>= 3.0.19 < 3.1)
    Aardvark.Rendering.Text (5.1.0-prerelease0004)
      Aardvark.Base.Incremental (5.1.0-prerelease0007)
      Aardvark.Rendering (5.1.0-prerelease0004)
      Aardvark.SceneGraph (5.1.0-prerelease0004)
      CommonMark.NET (>= 0.15.1 < 0.16)
      FShade.Core (5.1.3-prerelease0003)
      FShade.GLSL (>= 5.1.3-prerelease0003)
      FSharp.Core (>= 4.6.2)
      Unofficial.LibTessDotNet (>= 2.0.2 < 2.1)
      Unofficial.Typography (>= 0.1 < 0.2)
    Aardvark.Rendering.Vulkan (5.1.0-prerelease0004)
      Aardvark.Base.Incremental (5.1.0-prerelease0007)
      Aardvark.Base.Runtime (5.1.0-prerelease0007)
      Aardvark.Rendering (5.1.0-prerelease0004)
      FShade (5.1.3-prerelease0003)
      FSharp.Core (>= 4.6.2)
      GLSLangSharp (>= 0.4.6 < 0.5)
    Aardvark.SceneGraph (5.1.0-prerelease0004)
      Aardvark.Base.Incremental (5.1.0-prerelease0007)
      Aardvark.Rendering (5.1.0-prerelease0004)
      FShade.Core (5.1.3-prerelease0003)
      FShade.GLSL (>= 5.1.3-prerelease0003)
      FSharp.Core (>= 4.6.2)
    CommonMark.NET (0.15.1)
    DevILSharp (0.2.9)
      FSharp.Core (>= 4.6.2)
    FShade (5.1.3-prerelease0003)
      FShade.Core (5.1.3-prerelease0003)
      FShade.GLSL (5.1.3-prerelease0003)
      FShade.Imperative (5.1.3-prerelease0003)
      FShade.SpirV (5.1.3-prerelease0003)
    FShade.Core (5.1.3-prerelease0003)
      Aardvark.Base (>= 5.1.0-prerelease0007 < 5.2.0-prerelease)
      Aardvark.Base.FSharp (>= 5.1.0-prerelease0007 < 5.2.0-prerelease)
      FShade.Imperative (5.1.3-prerelease0003)
      FSharp.Core (>= 4.6.2)
    FShade.GLSL (5.1.3-prerelease0003)
      Aardvark.Base (>= 5.1.0-prerelease0007 < 5.2.0-prerelease)
      Aardvark.Base.FSharp (>= 5.1.0-prerelease0007 < 5.2.0-prerelease)
      FShade.Core (5.1.3-prerelease0003)
      FShade.Imperative (5.1.3-prerelease0003)
      FSharp.Core (>= 4.6.2)
    FShade.Imperative (5.1.3-prerelease0003)
      Aardvark.Base (>= 5.1.0-prerelease0007 < 5.2.0-prerelease)
      Aardvark.Base.FSharp (>= 5.1.0-prerelease0007 < 5.2.0-prerelease)
      FSharp.Core (>= 4.6.2)
      FsPickler (>= 5.3.2 < 5.4)
    FShade.SpirV (5.1.3-prerelease0003)
      Aardvark.Base (>= 5.1.0-prerelease0007 < 5.2.0-prerelease)
      Aardvark.Base.FSharp (>= 5.1.0-prerelease0007 < 5.2.0-prerelease)
      FShade.Core (5.1.3-prerelease0003)
      FShade.Imperative (5.1.3-prerelease0003)
      FSharp.Core (>= 4.6.2)
    FSharp.Core (4.6.2)
    FSharp.Data.Adaptive (1.0)
      FSharp.Core (>= 4.6.2)
      System.Reflection.Emit.Lightweight (>= 4.6)
    FsPickler (5.3.2)
      FSharp.Core (>= 4.3.2)
      System.Reflection.Emit.Lightweight (>= 4.3)
    GLSLangSharp (0.4.6)
      FSharp.Core (>= 4.6.2)
    Microsoft.Bcl.AsyncInterfaces (1.1.1) - restriction: || (&& (== netcoreapp3.1) (>= monoandroid)) (&& (== netcoreapp3.1) (>= monotouch)) (&& (== netcoreapp3.1) (>= net461)) (&& (== netcoreapp3.1) (< netcoreapp2.0)) (&& (== netcoreapp3.1) (< netcoreapp2.1)) (&& (== netcoreapp3.1) (< netcoreapp3.0)) (&& (== netcoreapp3.1) (>= uap10.1)) (&& (== netcoreapp3.1) (>= xamarinios)) (&& (== netcoreapp3.1) (>= xamarinmac)) (&& (== netcoreapp3.1) (>= xamarintvos)) (&& (== netcoreapp3.1) (>= xamarinwatchos)) (== netstandard2.0)
      System.Threading.Tasks.Extensions (>= 4.5.4)
    Microsoft.CodeCoverage (16.7.1) - restriction: || (== netcoreapp3.1) (&& (== netstandard2.0) (>= net45)) (&& (== netstandard2.0) (>= netcoreapp1.0))
    Microsoft.CSharp (4.7)
    Microsoft.DotNet.InternalAbstractions (1.0) - restriction: || (== netcoreapp3.1) (&& (== netstandard2.0) (>= netcoreapp1.0))
      System.AppContext (>= 4.1)
      System.Collections (>= 4.0.11)
      System.IO (>= 4.1)
      System.IO.FileSystem (>= 4.0.1)
      System.Reflection.TypeExtensions (>= 4.1)
      System.Runtime.Extensions (>= 4.1)
      System.Runtime.InteropServices (>= 4.1)
      System.Runtime.InteropServices.RuntimeInformation (>= 4.0)
    Microsoft.DotNet.PlatformAbstractions (3.1.6)
    Microsoft.Extensions.DependencyModel (3.1.6)
      System.Text.Json (>= 4.7.2)
    Microsoft.NET.Test.Sdk (16.1.1)
      Microsoft.CodeCoverage (>= 16.1.1) - restriction: || (== netcoreapp3.1) (&& (== netstandard2.0) (>= net45)) (&& (== netstandard2.0) (>= netcoreapp1.0))
      Microsoft.TestPlatform.TestHost (>= 16.1.1) - restriction: || (== netcoreapp3.1) (&& (== netstandard2.0) (>= netcoreapp1.0))
    Microsoft.NETCore.Platforms (3.1.3)
    Microsoft.NETCore.Targets (3.1) - restriction: || (== netcoreapp3.1) (&& (== netstandard2.0) (>= netcoreapp1.0)) (&& (== netstandard2.0) (>= netcoreapp5.0))
    Microsoft.TestPlatform.ObjectModel (16.7.1) - restriction: || (== netcoreapp3.1) (&& (== netstandard2.0) (>= netcoreapp1.0) (>= uap10.0)) (&& (== netstandard2.0) (>= netcoreapp2.1))
      NuGet.Frameworks (>= 5.0)
    Microsoft.TestPlatform.TestHost (16.7.1) - restriction: || (== netcoreapp3.1) (&& (== netstandard2.0) (>= netcoreapp1.0))
      Microsoft.TestPlatform.ObjectModel (>= 16.7.1) - restriction: || (== netcoreapp3.1) (&& (== netstandard2.0) (>= netcoreapp2.1)) (&& (== netstandard2.0) (>= uap10.0))
      Newtonsoft.Json (>= 9.0.1) - restriction: || (== netcoreapp3.1) (&& (== netstandard2.0) (>= netcoreapp2.1)) (&& (== netstandard2.0) (>= uap10.0))
    Microsoft.Win32.Primitives (4.3) - restriction: || (== netcoreapp3.1) (&& (== netstandard2.0) (>= netcoreapp1.0))
      Microsoft.NETCore.Platforms (>= 1.1)
      Microsoft.NETCore.Targets (>= 1.1)
      System.Runtime (>= 4.3)
    Microsoft.Win32.Registry (4.7) - restriction: || (== netcoreapp3.1) (&& (== netstandard2.0) (>= netcoreapp1.0))
      System.Security.AccessControl (>= 4.7)
      System.Security.Principal.Windows (>= 4.7)
    NETStandard.Library (2.0.3)
      Microsoft.NETCore.Platforms (>= 1.1)
    Newtonsoft.Json (12.0.3)
    NuGet.Frameworks (5.7) - restriction: || (== netcoreapp3.1) (&& (== netstandard2.0) (>= netcoreapp1.0) (>= uap10.0)) (&& (== netstandard2.0) (>= netcoreapp2.1))
    NUnit (3.12)
      NETStandard.Library (>= 2.0)
    NUnit3TestAdapter (3.15.1)
      Microsoft.DotNet.InternalAbstractions (>= 1.0) - restriction: || (== netcoreapp3.1) (&& (== netstandard2.0) (>= netcoreapp1.0))
      System.ComponentModel.EventBasedAsync (>= 4.3) - restriction: || (== netcoreapp3.1) (&& (== netstandard2.0) (>= netcoreapp1.0))
      System.ComponentModel.TypeConverter (>= 4.3) - restriction: || (== netcoreapp3.1) (&& (== netstandard2.0) (>= netcoreapp1.0))
      System.Diagnostics.Process (>= 4.3) - restriction: || (== netcoreapp3.1) (&& (== netstandard2.0) (>= netcoreapp1.0))
      System.Reflection (>= 4.3) - restriction: || (== netcoreapp3.1) (&& (== netstandard2.0) (>= netcoreapp1.0))
      System.Runtime.InteropServices.RuntimeInformation (>= 4.3) - restriction: || (== netcoreapp3.1) (&& (== netstandard2.0) (>= netcoreapp1.0))
      System.Threading.Thread (>= 4.3) - restriction: || (== netcoreapp3.1) (&& (== netstandard2.0) (>= netcoreapp1.0))
      System.Xml.XmlDocument (>= 4.3) - restriction: || (== netcoreapp3.1) (&& (== netstandard2.0) (>= netcoreapp1.0))
      System.Xml.XPath.XmlDocument (>= 4.3) - restriction: || (== netcoreapp3.1) (&& (== netstandard2.0) (>= netcoreapp1.0))
    runtime.native.System (4.3.1) - restriction: || (== netcoreapp3.1) (&& (== netstandard2.0) (>= netcoreapp1.0))
      Microsoft.NETCore.Platforms (>= 1.1.1)
      Microsoft.NETCore.Targets (>= 1.1.3)
    SharpCompress (0.24)
      System.Text.Encoding.CodePages (>= 4.5.1)
    Silk.NET.Core (1.7)
      Microsoft.CSharp (>= 4.7)
      System.Memory (>= 4.5.3)
      System.Numerics.Vectors (>= 4.5)
      System.Reflection.Emit (>= 4.7)
      System.Reflection.Emit.ILGeneration (>= 4.7)
      System.Runtime.CompilerServices.Unsafe (>= 4.7)
      Ultz.SuperInvoke (>= 1.1)
    Silk.NET.GLFW (1.7)
      Silk.NET.Core (>= 1.7)
      Ultz.Native.GLFW (>= 3.3.2)
    System.AppContext (4.3) - restriction: || (== netcoreapp3.1) (&& (== netstandard2.0) (>= netcoreapp1.0))
      System.Runtime (>= 4.3)
    System.Buffers (4.5.1) - restriction: || (&& (== netcoreapp3.1) (>= monoandroid)) (&& (== netcoreapp3.1) (>= monotouch)) (&& (== netcoreapp3.1) (>= net461)) (&& (== netcoreapp3.1) (< netcoreapp2.0)) (&& (== netcoreapp3.1) (>= xamarinios)) (&& (== netcoreapp3.1) (>= xamarinmac)) (&& (== netcoreapp3.1) (>= xamarintvos)) (&& (== netcoreapp3.1) (>= xamarinwatchos)) (== netstandard2.0)
    System.Collections (4.3)
      Microsoft.NETCore.Platforms (>= 1.1)
      Microsoft.NETCore.Targets (>= 1.1)
      System.Runtime (>= 4.3)
    System.Collections.Immutable (1.7.1)
      System.Memory (>= 4.5.4) - restriction: || (&& (== netcoreapp3.1) (>= net461)) (&& (== netcoreapp3.1) (< netcoreapp2.1)) (&& (== netcoreapp3.1) (< netstandard2.0)) (&& (== netcoreapp3.1) (>= uap10.1)) (== netstandard2.0)
    System.Collections.NonGeneric (4.3) - restriction: || (== netcoreapp3.1) (&& (== netstandard2.0) (>= netcoreapp1.0))
      System.Diagnostics.Debug (>= 4.3)
      System.Globalization (>= 4.3)
      System.Resources.ResourceManager (>= 4.3)
      System.Runtime (>= 4.3)
      System.Runtime.Extensions (>= 4.3)
      System.Threading (>= 4.3)
    System.Collections.Specialized (4.3) - restriction: || (== netcoreapp3.1) (&& (== netstandard2.0) (>= netcoreapp1.0))
      System.Collections.NonGeneric (>= 4.3)
      System.Globalization (>= 4.3)
      System.Globalization.Extensions (>= 4.3)
      System.Resources.ResourceManager (>= 4.3)
      System.Runtime (>= 4.3)
      System.Runtime.Extensions (>= 4.3)
      System.Threading (>= 4.3)
    System.ComponentModel (4.3) - restriction: || (== netcoreapp3.1) (&& (== netstandard2.0) (>= netcoreapp1.0))
      System.Runtime (>= 4.3)
    System.ComponentModel.EventBasedAsync (4.3) - restriction: || (== netcoreapp3.1) (&& (== netstandard2.0) (>= netcoreapp1.0))
      System.Resources.ResourceManager (>= 4.3)
      System.Runtime (>= 4.3)
      System.Threading (>= 4.3)
      System.Threading.Tasks (>= 4.3)
    System.ComponentModel.Primitives (4.3) - restriction: || (== netcoreapp3.1) (&& (== netstandard2.0) (>= netcoreapp1.0))
      System.ComponentModel (>= 4.3)
      System.Resources.ResourceManager (>= 4.3)
      System.Runtime (>= 4.3)
    System.ComponentModel.TypeConverter (4.3) - restriction: || (== netcoreapp3.1) (&& (== netstandard2.0) (>= netcoreapp1.0))
      System.Collections (>= 4.3)
      System.Collections.NonGeneric (>= 4.3)
      System.Collections.Specialized (>= 4.3)
      System.ComponentModel (>= 4.3)
      System.ComponentModel.Primitives (>= 4.3)
      System.Globalization (>= 4.3)
      System.Linq (>= 4.3)
      System.Reflection (>= 4.3)
      System.Reflection.Extensions (>= 4.3)
      System.Reflection.Primitives (>= 4.3)
      System.Reflection.TypeExtensions (>= 4.3)
      System.Resources.ResourceManager (>= 4.3)
      System.Runtime (>= 4.3)
      System.Runtime.Extensions (>= 4.3)
      System.Threading (>= 4.3)
    System.Diagnostics.Debug (4.3)
      Microsoft.NETCore.Platforms (>= 1.1)
      Microsoft.NETCore.Targets (>= 1.1)
      System.Runtime (>= 4.3)
    System.Diagnostics.Process (4.3) - restriction: || (== netcoreapp3.1) (&& (== netstandard2.0) (>= netcoreapp1.0))
      Microsoft.NETCore.Platforms (>= 1.1)
      Microsoft.Win32.Primitives (>= 4.3)
      Microsoft.Win32.Registry (>= 4.3)
      runtime.native.System (>= 4.3)
      System.Collections (>= 4.3)
      System.Diagnostics.Debug (>= 4.3)
      System.Globalization (>= 4.3)
      System.IO (>= 4.3)
      System.IO.FileSystem (>= 4.3)
      System.IO.FileSystem.Primitives (>= 4.3)
      System.Resources.ResourceManager (>= 4.3)
      System.Runtime (>= 4.3)
      System.Runtime.Extensions (>= 4.3)
      System.Runtime.Handles (>= 4.3)
      System.Runtime.InteropServices (>= 4.3)
      System.Text.Encoding (>= 4.3)
      System.Text.Encoding.Extensions (>= 4.3)
      System.Threading (>= 4.3)
      System.Threading.Tasks (>= 4.3)
      System.Threading.Thread (>= 4.3)
      System.Threading.ThreadPool (>= 4.3)
    System.Dynamic.Runtime (4.3)
      System.Collections (>= 4.3)
      System.Diagnostics.Debug (>= 4.3)
      System.Linq (>= 4.3)
      System.Linq.Expressions (>= 4.3)
      System.ObjectModel (>= 4.3)
      System.Reflection (>= 4.3)
      System.Reflection.Emit (>= 4.3)
      System.Reflection.Emit.ILGeneration (>= 4.3)
      System.Reflection.Primitives (>= 4.3)
      System.Reflection.TypeExtensions (>= 4.3)
      System.Resources.ResourceManager (>= 4.3)
      System.Runtime (>= 4.3)
      System.Runtime.Extensions (>= 4.3)
      System.Threading (>= 4.3)
    System.Globalization (4.3)
      Microsoft.NETCore.Platforms (>= 1.1)
      Microsoft.NETCore.Targets (>= 1.1)
      System.Runtime (>= 4.3)
    System.Globalization.Extensions (4.3) - restriction: || (== netcoreapp3.1) (&& (== netstandard2.0) (>= netcoreapp1.0))
      Microsoft.NETCore.Platforms (>= 1.1)
      System.Globalization (>= 4.3)
      System.Resources.ResourceManager (>= 4.3)
      System.Runtime (>= 4.3)
      System.Runtime.Extensions (>= 4.3)
      System.Runtime.InteropServices (>= 4.3)
    System.IO (4.3)
      Microsoft.NETCore.Platforms (>= 1.1)
      Microsoft.NETCore.Targets (>= 1.1)
      System.Runtime (>= 4.3)
      System.Text.Encoding (>= 4.3)
      System.Threading.Tasks (>= 4.3)
    System.IO.FileSystem (4.3) - restriction: || (== netcoreapp3.1) (&& (== netstandard2.0) (>= netcoreapp1.0))
      Microsoft.NETCore.Platforms (>= 1.1)
      Microsoft.NETCore.Targets (>= 1.1)
      System.IO (>= 4.3)
      System.IO.FileSystem.Primitives (>= 4.3)
      System.Runtime (>= 4.3)
      System.Runtime.Handles (>= 4.3)
      System.Text.Encoding (>= 4.3)
      System.Threading.Tasks (>= 4.3)
    System.IO.FileSystem.Primitives (4.3) - restriction: || (== netcoreapp3.1) (&& (== netstandard2.0) (>= netcoreapp1.0))
      System.Runtime (>= 4.3)
    System.Linq (4.3)
      System.Collections (>= 4.3)
      System.Diagnostics.Debug (>= 4.3)
      System.Resources.ResourceManager (>= 4.3)
      System.Runtime (>= 4.3)
      System.Runtime.Extensions (>= 4.3)
    System.Linq.Expressions (4.3)
      System.Collections (>= 4.3)
      System.Diagnostics.Debug (>= 4.3)
      System.Globalization (>= 4.3)
      System.IO (>= 4.3)
      System.Linq (>= 4.3)
      System.ObjectModel (>= 4.3)
      System.Reflection (>= 4.3)
      System.Reflection.Emit (>= 4.3)
      System.Reflection.Emit.ILGeneration (>= 4.3)
      System.Reflection.Emit.Lightweight (>= 4.3)
      System.Reflection.Extensions (>= 4.3)
      System.Reflection.Primitives (>= 4.3)
      System.Reflection.TypeExtensions (>= 4.3)
      System.Resources.ResourceManager (>= 4.3)
      System.Runtime (>= 4.3)
      System.Runtime.Extensions (>= 4.3)
      System.Threading (>= 4.3)
    System.Memory (4.5.4)
      System.Buffers (>= 4.5.1) - restriction: || (&& (== netcoreapp3.1) (>= monoandroid)) (&& (== netcoreapp3.1) (>= monotouch)) (&& (== netcoreapp3.1) (>= net461)) (&& (== netcoreapp3.1) (< netcoreapp2.0)) (&& (== netcoreapp3.1) (< netstandard1.1)) (&& (== netcoreapp3.1) (< netstandard2.0)) (&& (== netcoreapp3.1) (>= xamarinios)) (&& (== netcoreapp3.1) (>= xamarinmac)) (&& (== netcoreapp3.1) (>= xamarintvos)) (&& (== netcoreapp3.1) (>= xamarinwatchos)) (== netstandard2.0)
      System.Numerics.Vectors (>= 4.4) - restriction: || (&& (== netcoreapp3.1) (< netcoreapp2.0)) (== netstandard2.0)
      System.Runtime.CompilerServices.Unsafe (>= 4.5.3) - restriction: || (&& (== netcoreapp3.1) (>= monoandroid)) (&& (== netcoreapp3.1) (>= monotouch)) (&& (== netcoreapp3.1) (>= net461)) (&& (== netcoreapp3.1) (< netcoreapp2.0)) (&& (== netcoreapp3.1) (< netcoreapp2.1)) (&& (== netcoreapp3.1) (< netstandard1.1)) (&& (== netcoreapp3.1) (< netstandard2.0)) (&& (== netcoreapp3.1) (>= uap10.1)) (&& (== netcoreapp3.1) (>= xamarinios)) (&& (== netcoreapp3.1) (>= xamarinmac)) (&& (== netcoreapp3.1) (>= xamarintvos)) (&& (== netcoreapp3.1) (>= xamarinwatchos)) (== netstandard2.0)
    System.Numerics.Vectors (4.5)
    System.ObjectModel (4.3)
      System.Collections (>= 4.3)
      System.Diagnostics.Debug (>= 4.3)
      System.Resources.ResourceManager (>= 4.3)
      System.Runtime (>= 4.3)
      System.Threading (>= 4.3)
    System.Reactive (4.4.1)
      System.Runtime.InteropServices.WindowsRuntime (>= 4.3) - restriction: || (&& (== netcoreapp3.1) (< netcoreapp3.0)) (== netstandard2.0)
      System.Threading.Tasks.Extensions (>= 4.5.4) - restriction: || (&& (== netcoreapp3.1) (>= net46)) (&& (== netcoreapp3.1) (< netcoreapp3.0)) (&& (== netcoreapp3.1) (>= uap10.0)) (== netstandard2.0)
    System.Reflection (4.3)
      Microsoft.NETCore.Platforms (>= 1.1)
      Microsoft.NETCore.Targets (>= 1.1)
      System.IO (>= 4.3)
      System.Reflection.Primitives (>= 4.3)
      System.Runtime (>= 4.3)
    System.Reflection.Emit (4.7)
      System.Reflection.Emit.ILGeneration (>= 4.7) - restriction: || (&& (== netcoreapp3.1) (< netcoreapp2.0) (< netstandard2.1)) (&& (== netcoreapp3.1) (>= netcoreapp5.0)) (&& (== netcoreapp3.1) (< netstandard1.1)) (&& (== netcoreapp3.1) (< netstandard2.0)) (&& (== netcoreapp3.1) (>= uap10.1)) (== netstandard2.0)
    System.Reflection.Emit.ILGeneration (4.7)
    System.Reflection.Emit.Lightweight (4.7)
      System.Reflection.Emit.ILGeneration (>= 4.7) - restriction: || (&& (== netcoreapp3.1) (< netcoreapp2.0) (< netstandard2.1)) (&& (== netcoreapp3.1) (>= netcoreapp5.0)) (&& (== netcoreapp3.1) (< netstandard2.0)) (&& (== netcoreapp3.1) (< portable-net45+wp8)) (&& (== netcoreapp3.1) (>= uap10.1)) (== netstandard2.0)
    System.Reflection.Extensions (4.3)
      Microsoft.NETCore.Platforms (>= 1.1)
      Microsoft.NETCore.Targets (>= 1.1)
      System.Reflection (>= 4.3)
      System.Runtime (>= 4.3)
    System.Reflection.Metadata (1.8.1) - restriction: || (&& (== netcoreapp3.1) (< netcoreapp3.0)) (== netstandard2.0)
      System.Collections.Immutable (>= 1.7.1) - restriction: || (&& (== netcoreapp3.1) (>= net461)) (&& (== netcoreapp3.1) (< netstandard1.1)) (&& (== netcoreapp3.1) (< netstandard2.0)) (== netstandard2.0)
    System.Reflection.Primitives (4.3)
      Microsoft.NETCore.Platforms (>= 1.1)
      Microsoft.NETCore.Targets (>= 1.1)
      System.Runtime (>= 4.3)
    System.Reflection.TypeExtensions (4.7)
    System.Resources.ResourceManager (4.3)
      Microsoft.NETCore.Platforms (>= 1.1)
      Microsoft.NETCore.Targets (>= 1.1)
      System.Globalization (>= 4.3)
      System.Reflection (>= 4.3)
      System.Runtime (>= 4.3)
    System.Runtime (4.3.1)
      Microsoft.NETCore.Platforms (>= 1.1.1)
      Microsoft.NETCore.Targets (>= 1.1.3)
    System.Runtime.CompilerServices.Unsafe (4.7.1)
    System.Runtime.Extensions (4.3.1)
      Microsoft.NETCore.Platforms (>= 1.1.1)
      Microsoft.NETCore.Targets (>= 1.1.3)
      System.Runtime (>= 4.3.1)
    System.Runtime.Handles (4.3) - restriction: || (== netcoreapp3.1) (&& (== netstandard2.0) (>= netcoreapp1.0))
      Microsoft.NETCore.Platforms (>= 1.1)
      Microsoft.NETCore.Targets (>= 1.1)
      System.Runtime (>= 4.3)
    System.Runtime.InteropServices (4.3) - restriction: || (== netcoreapp3.1) (&& (== netstandard2.0) (>= netcoreapp1.0))
      Microsoft.NETCore.Platforms (>= 1.1)
      Microsoft.NETCore.Targets (>= 1.1)
      System.Reflection (>= 4.3)
      System.Reflection.Primitives (>= 4.3)
      System.Runtime (>= 4.3)
      System.Runtime.Handles (>= 4.3)
    System.Runtime.InteropServices.RuntimeInformation (4.3) - restriction: || (== netcoreapp3.1) (&& (== netstandard2.0) (>= netcoreapp1.0))
      runtime.native.System (>= 4.3)
      System.Reflection (>= 4.3)
      System.Reflection.Extensions (>= 4.3)
      System.Resources.ResourceManager (>= 4.3)
      System.Runtime (>= 4.3)
      System.Runtime.InteropServices (>= 4.3)
      System.Threading (>= 4.3)
    System.Runtime.InteropServices.WindowsRuntime (4.3) - restriction: || (&& (== netcoreapp3.1) (< netcoreapp3.0)) (== netstandard2.0)
      System.Runtime (>= 4.3)
    System.Security.AccessControl (4.7) - restriction: || (== netcoreapp3.1) (&& (== netstandard2.0) (>= netcoreapp1.0)) (&& (== netstandard2.0) (>= netcoreapp2.0))
      Microsoft.NETCore.Platforms (>= 3.1) - restriction: || (== netcoreapp3.1) (&& (== netstandard2.0) (>= netcoreapp2.0))
      System.Security.Principal.Windows (>= 4.7)
    System.Security.Principal.Windows (4.7) - restriction: || (== netcoreapp3.1) (&& (== netstandard2.0) (>= netcoreapp1.0)) (&& (== netstandard2.0) (>= netcoreapp2.0))
    System.Text.Encoding (4.3) - restriction: || (== netcoreapp3.1) (&& (== netstandard2.0) (>= netcoreapp1.0))
      Microsoft.NETCore.Platforms (>= 1.1)
      Microsoft.NETCore.Targets (>= 1.1)
      System.Runtime (>= 4.3)
    System.Text.Encoding.CodePages (4.7.1)
      Microsoft.NETCore.Platforms (>= 3.1.1) - restriction: || (== netcoreapp3.1) (&& (== netstandard2.0) (>= netcoreapp2.0))
      System.Runtime.CompilerServices.Unsafe (>= 4.7.1) - restriction: || (&& (== netcoreapp3.1) (>= net461)) (&& (== netcoreapp3.1) (< netcoreapp2.0)) (== netstandard2.0)
    System.Text.Encoding.Extensions (4.3) - restriction: || (== netcoreapp3.1) (&& (== netstandard2.0) (>= netcoreapp1.0))
      Microsoft.NETCore.Platforms (>= 1.1)
      Microsoft.NETCore.Targets (>= 1.1)
      System.Runtime (>= 4.3)
      System.Text.Encoding (>= 4.3)
    System.Text.Encodings.Web (4.7.1) - restriction: || (&& (== netcoreapp3.1) (>= monoandroid)) (&& (== netcoreapp3.1) (>= monotouch)) (&& (== netcoreapp3.1) (>= net461)) (&& (== netcoreapp3.1) (< netcoreapp2.0)) (&& (== netcoreapp3.1) (< netcoreapp2.1)) (&& (== netcoreapp3.1) (< netcoreapp3.0)) (&& (== netcoreapp3.1) (>= uap10.1)) (&& (== netcoreapp3.1) (>= xamarinios)) (&& (== netcoreapp3.1) (>= xamarinmac)) (&& (== netcoreapp3.1) (>= xamarintvos)) (&& (== netcoreapp3.1) (>= xamarinwatchos)) (== netstandard2.0)
      System.Memory (>= 4.5.4) - restriction: || (&& (== netcoreapp3.1) (>= net461)) (&& (== netcoreapp3.1) (< netcoreapp2.1) (< netstandard2.1)) (&& (== netcoreapp3.1) (>= uap10.1)) (== netstandard2.0)
    System.Text.Json (4.7.2)
      Microsoft.Bcl.AsyncInterfaces (>= 1.1) - restriction: || (&& (== netcoreapp3.1) (>= monoandroid)) (&& (== netcoreapp3.1) (>= monotouch)) (&& (== netcoreapp3.1) (>= net461)) (&& (== netcoreapp3.1) (< netcoreapp2.0)) (&& (== netcoreapp3.1) (< netcoreapp2.1)) (&& (== netcoreapp3.1) (< netcoreapp3.0)) (&& (== netcoreapp3.1) (>= uap10.1)) (&& (== netcoreapp3.1) (>= xamarinios)) (&& (== netcoreapp3.1) (>= xamarinmac)) (&& (== netcoreapp3.1) (>= xamarintvos)) (&& (== netcoreapp3.1) (>= xamarinwatchos)) (== netstandard2.0)
      System.Buffers (>= 4.5.1) - restriction: || (&& (== netcoreapp3.1) (>= monoandroid)) (&& (== netcoreapp3.1) (>= monotouch)) (&& (== netcoreapp3.1) (>= net461)) (&& (== netcoreapp3.1) (< netcoreapp2.0)) (&& (== netcoreapp3.1) (>= xamarinios)) (&& (== netcoreapp3.1) (>= xamarinmac)) (&& (== netcoreapp3.1) (>= xamarintvos)) (&& (== netcoreapp3.1) (>= xamarinwatchos)) (== netstandard2.0)
      System.Memory (>= 4.5.4) - restriction: || (&& (== netcoreapp3.1) (>= net461)) (&& (== netcoreapp3.1) (< netcoreapp2.0)) (&& (== netcoreapp3.1) (< netcoreapp2.1)) (&& (== netcoreapp3.1) (>= uap10.1)) (== netstandard2.0)
      System.Numerics.Vectors (>= 4.5) - restriction: || (&& (== netcoreapp3.1) (>= net461)) (&& (== netcoreapp3.1) (< netcoreapp2.0)) (== netstandard2.0)
      System.Runtime.CompilerServices.Unsafe (>= 4.7.1) - restriction: || (&& (== netcoreapp3.1) (>= monoandroid)) (&& (== netcoreapp3.1) (>= monotouch)) (&& (== netcoreapp3.1) (>= net461)) (&& (== netcoreapp3.1) (< netcoreapp2.0)) (&& (== netcoreapp3.1) (< netcoreapp2.1)) (&& (== netcoreapp3.1) (< netcoreapp3.0)) (&& (== netcoreapp3.1) (>= uap10.1)) (&& (== netcoreapp3.1) (>= xamarinios)) (&& (== netcoreapp3.1) (>= xamarinmac)) (&& (== netcoreapp3.1) (>= xamarintvos)) (&& (== netcoreapp3.1) (>= xamarinwatchos)) (== netstandard2.0)
      System.Text.Encodings.Web (>= 4.7.1) - restriction: || (&& (== netcoreapp3.1) (>= monoandroid)) (&& (== netcoreapp3.1) (>= monotouch)) (&& (== netcoreapp3.1) (>= net461)) (&& (== netcoreapp3.1) (< netcoreapp2.0)) (&& (== netcoreapp3.1) (< netcoreapp2.1)) (&& (== netcoreapp3.1) (< netcoreapp3.0)) (&& (== netcoreapp3.1) (>= uap10.1)) (&& (== netcoreapp3.1) (>= xamarinios)) (&& (== netcoreapp3.1) (>= xamarinmac)) (&& (== netcoreapp3.1) (>= xamarintvos)) (&& (== netcoreapp3.1) (>= xamarinwatchos)) (== netstandard2.0)
      System.Threading.Tasks.Extensions (>= 4.5.4) - restriction: || (&& (== netcoreapp3.1) (>= net461)) (&& (== netcoreapp3.1) (< netcoreapp2.0)) (&& (== netcoreapp3.1) (< netcoreapp2.1)) (&& (== netcoreapp3.1) (>= uap10.1)) (== netstandard2.0)
    System.Text.RegularExpressions (4.3.1) - restriction: || (== netcoreapp3.1) (&& (== netstandard2.0) (>= netcoreapp1.0)) (&& (== netstandard2.0) (>= netcoreapp5.0))
      System.Runtime (>= 4.3.1)
    System.Threading (4.3)
      System.Runtime (>= 4.3)
      System.Threading.Tasks (>= 4.3)
    System.Threading.Tasks (4.3) - restriction: || (== netcoreapp3.1) (&& (== netstandard2.0) (>= netcoreapp1.0)) (&& (== netstandard2.0) (>= netcoreapp5.0))
      Microsoft.NETCore.Platforms (>= 1.1)
      Microsoft.NETCore.Targets (>= 1.1)
      System.Runtime (>= 4.3)
    System.Threading.Tasks.Extensions (4.5.4)
      System.Runtime.CompilerServices.Unsafe (>= 4.5.3) - restriction: || (&& (== netcoreapp3.1) (>= net461)) (&& (== netcoreapp3.1) (< netcoreapp2.1)) (&& (== netcoreapp3.1) (< netstandard1.0)) (&& (== netcoreapp3.1) (< netstandard2.0)) (&& (== netcoreapp3.1) (>= wp8)) (== netstandard2.0)
    System.Threading.Thread (4.3) - restriction: || (== netcoreapp3.1) (&& (== netstandard2.0) (>= netcoreapp1.0))
      System.Runtime (>= 4.3)
    System.Threading.ThreadPool (4.3) - restriction: || (== netcoreapp3.1) (&& (== netstandard2.0) (>= netcoreapp1.0))
      System.Runtime (>= 4.3)
      System.Runtime.Handles (>= 4.3)
    System.Xml.ReaderWriter (4.3.1) - restriction: || (== netcoreapp3.1) (&& (== netstandard2.0) (>= netcoreapp1.0))
      System.Collections (>= 4.3)
      System.Diagnostics.Debug (>= 4.3)
      System.Globalization (>= 4.3)
      System.IO (>= 4.3)
      System.IO.FileSystem (>= 4.3)
      System.IO.FileSystem.Primitives (>= 4.3)
      System.Resources.ResourceManager (>= 4.3)
      System.Runtime (>= 4.3)
      System.Runtime.Extensions (>= 4.3)
      System.Runtime.InteropServices (>= 4.3)
      System.Text.Encoding (>= 4.3)
      System.Text.Encoding.Extensions (>= 4.3)
      System.Text.RegularExpressions (>= 4.3)
      System.Threading.Tasks (>= 4.3)
      System.Threading.Tasks.Extensions (>= 4.3)
    System.Xml.XmlDocument (4.3) - restriction: || (== netcoreapp3.1) (&& (== netstandard2.0) (>= netcoreapp1.0))
      System.Collections (>= 4.3)
      System.Diagnostics.Debug (>= 4.3)
      System.Globalization (>= 4.3)
      System.IO (>= 4.3)
      System.Resources.ResourceManager (>= 4.3)
      System.Runtime (>= 4.3)
      System.Runtime.Extensions (>= 4.3)
      System.Text.Encoding (>= 4.3)
      System.Threading (>= 4.3)
      System.Xml.ReaderWriter (>= 4.3)
    System.Xml.XPath (4.3) - restriction: || (== netcoreapp3.1) (&& (== netstandard2.0) (>= netcoreapp1.0))
      System.Collections (>= 4.3)
      System.Diagnostics.Debug (>= 4.3)
      System.Globalization (>= 4.3)
      System.IO (>= 4.3)
      System.Resources.ResourceManager (>= 4.3)
      System.Runtime (>= 4.3)
      System.Runtime.Extensions (>= 4.3)
      System.Threading (>= 4.3)
      System.Xml.ReaderWriter (>= 4.3)
    System.Xml.XPath.XmlDocument (4.3) - restriction: || (== netcoreapp3.1) (&& (== netstandard2.0) (>= netcoreapp1.0))
      System.Collections (>= 4.3)
      System.Globalization (>= 4.3)
      System.IO (>= 4.3)
      System.Resources.ResourceManager (>= 4.3)
      System.Runtime (>= 4.3)
      System.Runtime.Extensions (>= 4.3)
      System.Threading (>= 4.3)
      System.Xml.ReaderWriter (>= 4.3)
      System.Xml.XmlDocument (>= 4.3)
      System.Xml.XPath (>= 4.3)
    Ultz.Native.GLFW (3.3.2)
    Ultz.SuperInvoke (1.1)
      System.Memory (>= 4.5.3)
      System.Reflection.Emit (>= 4.7)
      Ultz.SuperInvoke.Loader (>= 1.1)
    Ultz.SuperInvoke.Loader (1.1)
      Microsoft.DotNet.PlatformAbstractions (>= 3.1.1)
      Microsoft.Extensions.DependencyModel (>= 3.1.1)
    Uncodium.Eigensystems (1.1)
      Aardvark.Base (>= 5.0.4 < 5.1)
    Uncodium.SimpleStore (2.1)
    Unofficial.DotSpatial.Projections (0.0.4)
    Unofficial.laszip.netstandard (2.2.1)
    Unofficial.LibTessDotNet (2.0.2)
    Unofficial.OpenTK (3.0.19)
    Unofficial.OpenVR (1.1)
    Unofficial.Typography (0.1)
      System.Numerics.Vectors (>= 4.5)

GROUP Build
RESTRICTION: == netstandard2.0
NUGET
  remote: https://api.nuget.org/v3/index.json
    Argu (5.5)
      FSharp.Core (>= 4.3.2)
      System.Configuration.ConfigurationManager (>= 4.4)
    BlackFox.VsWhere (1.1)
      FSharp.Core (>= 4.2.3)
      Microsoft.Win32.Registry (>= 4.7)
    fake-cli (5.20.3)
    Fake.Core.CommandLineParsing (5.20.3)
      FParsec (>= 1.1.1)
      FSharp.Core (>= 4.7.2)
    Fake.Core.Context (5.20.3)
      FSharp.Core (>= 4.7.2)
    Fake.Core.Environment (5.20.3)
      FSharp.Core (>= 4.7.2)
    Fake.Core.FakeVar (5.20.3)
      Fake.Core.Context (>= 5.20.3)
      FSharp.Core (>= 4.7.2)
    Fake.Core.Process (5.20.3)
      Fake.Core.Environment (>= 5.20.3)
      Fake.Core.FakeVar (>= 5.20.3)
      Fake.Core.String (>= 5.20.3)
      Fake.Core.Trace (>= 5.20.3)
      Fake.IO.FileSystem (>= 5.20.3)
      FSharp.Core (>= 4.7.2)
      System.Collections.Immutable (>= 1.7.1)
    Fake.Core.SemVer (5.20.3)
      FSharp.Core (>= 4.7.2)
    Fake.Core.String (5.20.3)
      FSharp.Core (>= 4.7.2)
    Fake.Core.Target (5.20.3)
      Fake.Core.CommandLineParsing (>= 5.20.3)
      Fake.Core.Context (>= 5.20.3)
      Fake.Core.Environment (>= 5.20.3)
      Fake.Core.FakeVar (>= 5.20.3)
      Fake.Core.Process (>= 5.20.3)
      Fake.Core.String (>= 5.20.3)
      Fake.Core.Trace (>= 5.20.3)
      FSharp.Control.Reactive (>= 4.4.2)
      FSharp.Core (>= 4.7.2)
    Fake.Core.Tasks (5.20.3)
      Fake.Core.Trace (>= 5.20.3)
      FSharp.Core (>= 4.7.2)
    Fake.Core.Trace (5.20.3)
      Fake.Core.Environment (>= 5.20.3)
      Fake.Core.FakeVar (>= 5.20.3)
      FSharp.Core (>= 4.7.2)
    Fake.Core.Xml (5.20.3)
      Fake.Core.String (>= 5.20.3)
      FSharp.Core (>= 4.7.2)
    Fake.DotNet.Cli (5.20.3)
      Fake.Core.Environment (>= 5.20.3)
      Fake.Core.Process (>= 5.20.3)
      Fake.Core.String (>= 5.20.3)
      Fake.Core.Trace (>= 5.20.3)
      Fake.DotNet.MSBuild (>= 5.20.3)
      Fake.DotNet.NuGet (>= 5.20.3)
      Fake.IO.FileSystem (>= 5.20.3)
      FSharp.Core (>= 4.7.2)
      Mono.Posix.NETStandard (>= 1.0)
      Newtonsoft.Json (>= 12.0.3)
    Fake.DotNet.MSBuild (5.20.3)
      BlackFox.VsWhere (>= 1.1)
      Fake.Core.Environment (>= 5.20.3)
      Fake.Core.Process (>= 5.20.3)
      Fake.Core.String (>= 5.20.3)
      Fake.Core.Trace (>= 5.20.3)
      Fake.IO.FileSystem (>= 5.20.3)
      FSharp.Core (>= 4.7.2)
      MSBuild.StructuredLogger (>= 2.1.176)
    Fake.DotNet.NuGet (5.20.3)
      Fake.Core.Environment (>= 5.20.3)
      Fake.Core.Process (>= 5.20.3)
      Fake.Core.SemVer (>= 5.20.3)
      Fake.Core.String (>= 5.20.3)
      Fake.Core.Tasks (>= 5.20.3)
      Fake.Core.Trace (>= 5.20.3)
      Fake.Core.Xml (>= 5.20.3)
      Fake.IO.FileSystem (>= 5.20.3)
      Fake.Net.Http (>= 5.20.3)
      FSharp.Core (>= 4.7.2)
      Newtonsoft.Json (>= 12.0.3)
      NuGet.Protocol (>= 5.6)
    Fake.IO.FileSystem (5.20.3)
      Fake.Core.String (>= 5.20.3)
      FSharp.Core (>= 4.7.2)
    Fake.Net.Http (5.20.3)
      Fake.Core.Trace (>= 5.20.3)
      FSharp.Core (>= 4.7.2)
    Fake.Tools.Git (5.20.3)
      Fake.Core.Environment (>= 5.20.3)
      Fake.Core.Process (>= 5.20.3)
      Fake.Core.SemVer (>= 5.20.3)
      Fake.Core.String (>= 5.20.3)
      Fake.Core.Trace (>= 5.20.3)
      Fake.IO.FileSystem (>= 5.20.3)
      FSharp.Core (>= 4.7.2)
    FParsec (1.1.1)
      FSharp.Core (>= 4.3.4)
    FSharp.Control.Reactive (4.4.2)
      FSharp.Core (>= 4.7.2)
      System.Reactive (>= 4.4.1)
    FSharp.Core (4.7.2)
    Microsoft.Build (16.7)
    Microsoft.Build.Framework (16.7)
      System.Security.Permissions (>= 4.7)
    Microsoft.Build.Tasks.Core (16.7)
      Microsoft.Build.Framework (>= 16.7)
      Microsoft.Build.Utilities.Core (>= 16.7)
      Microsoft.Win32.Registry (>= 4.3)
      System.CodeDom (>= 4.4)
      System.Collections.Immutable (>= 1.5)
      System.Reflection.Metadata (>= 1.6)
      System.Reflection.TypeExtensions (>= 4.1)
      System.Resources.Extensions (>= 4.6)
      System.Security.Permissions (>= 4.7)
      System.Threading.Tasks.Dataflow (>= 4.9)
    Microsoft.Build.Tasks.Git (1.0)
    Microsoft.Build.Utilities.Core (16.7)
      Microsoft.Build.Framework (>= 16.7)
      Microsoft.Win32.Registry (>= 4.3)
      System.Collections.Immutable (>= 1.5)
      System.Security.Permissions (>= 4.7)
      System.Text.Encoding.CodePages (>= 4.0.1)
    Microsoft.NETCore.Platforms (3.1.3)
    Microsoft.NETCore.Targets (3.1)
    Microsoft.SourceLink.Common (1.0)
    Microsoft.SourceLink.GitHub (1.0)
      Microsoft.Build.Tasks.Git (>= 1.0)
      Microsoft.SourceLink.Common (>= 1.0)
    Microsoft.Win32.Primitives (4.3)
      Microsoft.NETCore.Platforms (>= 1.1)
      Microsoft.NETCore.Targets (>= 1.1)
      System.Runtime (>= 4.3)
    Microsoft.Win32.Registry (4.7)
      System.Buffers (>= 4.5)
      System.Memory (>= 4.5.3)
      System.Security.AccessControl (>= 4.7)
      System.Security.Principal.Windows (>= 4.7)
    Mono.Cecil (0.10.4)
      System.Collections (>= 4.3)
      System.IO.FileSystem (>= 4.3)
      System.IO.FileSystem.Primitives (>= 4.3)
      System.Reflection (>= 4.3)
      System.Runtime.Extensions (>= 4.3)
      System.Security.Cryptography.Algorithms (>= 4.3)
      System.Security.Cryptography.Csp (>= 4.3)
      System.Threading (>= 4.3)
    Mono.Posix.NETStandard (1.0)
    MSBuild.StructuredLogger (2.1.176)
      Microsoft.Build (>= 16.4)
      Microsoft.Build.Framework (>= 16.4)
      Microsoft.Build.Tasks.Core (>= 16.4)
      Microsoft.Build.Utilities.Core (>= 16.4)
      Microsoft.SourceLink.GitHub (>= 1.0)
    Newtonsoft.Json (12.0.3)
    NuGet.Common (5.7)
      NuGet.Frameworks (>= 5.7)
      System.Diagnostics.Process (>= 4.3)
      System.Threading.Thread (>= 4.3)
    NuGet.Configuration (5.7)
      NuGet.Common (>= 5.7)
      System.Security.Cryptography.ProtectedData (>= 4.3)
    NuGet.Frameworks (5.7)
    NuGet.Packaging (5.7)
      Newtonsoft.Json (>= 9.0.1)
      NuGet.Configuration (>= 5.7)
      NuGet.Versioning (>= 5.7)
      System.Dynamic.Runtime (>= 4.3)
      System.Security.Cryptography.Cng (>= 5.0.0-preview.3.20214.6)
      System.Security.Cryptography.Pkcs (>= 5.0.0-preview.3.20214.6)
    NuGet.Protocol (5.7)
      NuGet.Packaging (>= 5.7)
      System.Dynamic.Runtime (>= 4.3)
    NuGet.Versioning (5.7)
    runtime.debian.8-x64.runtime.native.System.Security.Cryptography.OpenSsl (4.3.3)
    runtime.debian.9-x64.runtime.native.System.Security.Cryptography.OpenSsl (4.3.3)
    runtime.fedora.23-x64.runtime.native.System.Security.Cryptography.OpenSsl (4.3.3)
    runtime.fedora.24-x64.runtime.native.System.Security.Cryptography.OpenSsl (4.3.3)
    runtime.fedora.27-x64.runtime.native.System.Security.Cryptography.OpenSsl (4.3.3)
    runtime.fedora.28-x64.runtime.native.System.Security.Cryptography.OpenSsl (4.3.3)
    runtime.native.System (4.3.1)
      Microsoft.NETCore.Platforms (>= 1.1.1)
      Microsoft.NETCore.Targets (>= 1.1.3)
    runtime.native.System.IO.Compression (4.3.2)
      Microsoft.NETCore.Platforms (>= 1.1.1)
      Microsoft.NETCore.Targets (>= 1.1.3)
    runtime.native.System.Security.Cryptography.Apple (4.3.1)
      runtime.osx.10.10-x64.runtime.native.System.Security.Cryptography.Apple (>= 4.3.1)
    runtime.native.System.Security.Cryptography.OpenSsl (4.3.3)
      runtime.debian.8-x64.runtime.native.System.Security.Cryptography.OpenSsl (>= 4.3.3)
      runtime.debian.9-x64.runtime.native.System.Security.Cryptography.OpenSsl (>= 4.3.3)
      runtime.fedora.23-x64.runtime.native.System.Security.Cryptography.OpenSsl (>= 4.3.3)
      runtime.fedora.24-x64.runtime.native.System.Security.Cryptography.OpenSsl (>= 4.3.3)
      runtime.fedora.27-x64.runtime.native.System.Security.Cryptography.OpenSsl (>= 4.3.3)
      runtime.fedora.28-x64.runtime.native.System.Security.Cryptography.OpenSsl (>= 4.3.3)
      runtime.opensuse.13.2-x64.runtime.native.System.Security.Cryptography.OpenSsl (>= 4.3.3)
      runtime.opensuse.42.1-x64.runtime.native.System.Security.Cryptography.OpenSsl (>= 4.3.3)
      runtime.opensuse.42.3-x64.runtime.native.System.Security.Cryptography.OpenSsl (>= 4.3.3)
      runtime.osx.10.10-x64.runtime.native.System.Security.Cryptography.OpenSsl (>= 4.3.3)
      runtime.rhel.7-x64.runtime.native.System.Security.Cryptography.OpenSsl (>= 4.3.3)
      runtime.ubuntu.14.04-x64.runtime.native.System.Security.Cryptography.OpenSsl (>= 4.3.3)
      runtime.ubuntu.16.04-x64.runtime.native.System.Security.Cryptography.OpenSsl (>= 4.3.3)
      runtime.ubuntu.16.10-x64.runtime.native.System.Security.Cryptography.OpenSsl (>= 4.3.3)
      runtime.ubuntu.18.04-x64.runtime.native.System.Security.Cryptography.OpenSsl (>= 4.3.3)
    runtime.opensuse.13.2-x64.runtime.native.System.Security.Cryptography.OpenSsl (4.3.3)
    runtime.opensuse.42.1-x64.runtime.native.System.Security.Cryptography.OpenSsl (4.3.3)
    runtime.opensuse.42.3-x64.runtime.native.System.Security.Cryptography.OpenSsl (4.3.3)
    runtime.osx.10.10-x64.runtime.native.System.Security.Cryptography.Apple (4.3.1)
    runtime.osx.10.10-x64.runtime.native.System.Security.Cryptography.OpenSsl (4.3.3)
    runtime.rhel.7-x64.runtime.native.System.Security.Cryptography.OpenSsl (4.3.3)
    runtime.ubuntu.14.04-x64.runtime.native.System.Security.Cryptography.OpenSsl (4.3.3)
    runtime.ubuntu.16.04-x64.runtime.native.System.Security.Cryptography.OpenSsl (4.3.3)
    runtime.ubuntu.16.10-x64.runtime.native.System.Security.Cryptography.OpenSsl (4.3.3)
    runtime.ubuntu.18.04-x64.runtime.native.System.Security.Cryptography.OpenSsl (4.3.3)
    SourceLink.Fake (1.1)
    System.Buffers (4.5.1)
    System.CodeDom (4.7)
    System.Collections (4.3)
      Microsoft.NETCore.Platforms (>= 1.1)
      Microsoft.NETCore.Targets (>= 1.1)
      System.Runtime (>= 4.3)
    System.Collections.Concurrent (4.3)
      System.Collections (>= 4.3)
      System.Diagnostics.Debug (>= 4.3)
      System.Diagnostics.Tracing (>= 4.3)
      System.Globalization (>= 4.3)
      System.Reflection (>= 4.3)
      System.Resources.ResourceManager (>= 4.3)
      System.Runtime (>= 4.3)
      System.Runtime.Extensions (>= 4.3)
      System.Threading (>= 4.3)
      System.Threading.Tasks (>= 4.3)
    System.Collections.Immutable (1.7.1)
      System.Memory (>= 4.5.4)
    System.Configuration.ConfigurationManager (4.7)
      System.Security.Cryptography.ProtectedData (>= 4.7)
      System.Security.Permissions (>= 4.7)
    System.Diagnostics.Debug (4.3)
      Microsoft.NETCore.Platforms (>= 1.1)
      Microsoft.NETCore.Targets (>= 1.1)
      System.Runtime (>= 4.3)
    System.Diagnostics.Process (4.3)
      Microsoft.NETCore.Platforms (>= 1.1)
      Microsoft.Win32.Primitives (>= 4.3)
      Microsoft.Win32.Registry (>= 4.3)
      runtime.native.System (>= 4.3)
      System.Collections (>= 4.3)
      System.Diagnostics.Debug (>= 4.3)
      System.Globalization (>= 4.3)
      System.IO (>= 4.3)
      System.IO.FileSystem (>= 4.3)
      System.IO.FileSystem.Primitives (>= 4.3)
      System.Resources.ResourceManager (>= 4.3)
      System.Runtime (>= 4.3)
      System.Runtime.Extensions (>= 4.3)
      System.Runtime.Handles (>= 4.3)
      System.Runtime.InteropServices (>= 4.3)
      System.Text.Encoding (>= 4.3)
      System.Text.Encoding.Extensions (>= 4.3)
      System.Threading (>= 4.3)
      System.Threading.Tasks (>= 4.3)
      System.Threading.Thread (>= 4.3)
      System.Threading.ThreadPool (>= 4.3)
    System.Diagnostics.Tracing (4.3)
      Microsoft.NETCore.Platforms (>= 1.1)
      Microsoft.NETCore.Targets (>= 1.1)
      System.Runtime (>= 4.3)
    System.Dynamic.Runtime (4.3)
      System.Collections (>= 4.3)
      System.Diagnostics.Debug (>= 4.3)
      System.Linq (>= 4.3)
      System.Linq.Expressions (>= 4.3)
      System.ObjectModel (>= 4.3)
      System.Reflection (>= 4.3)
      System.Reflection.Emit (>= 4.3)
      System.Reflection.Emit.ILGeneration (>= 4.3)
      System.Reflection.Primitives (>= 4.3)
      System.Reflection.TypeExtensions (>= 4.3)
      System.Resources.ResourceManager (>= 4.3)
      System.Runtime (>= 4.3)
      System.Runtime.Extensions (>= 4.3)
      System.Threading (>= 4.3)
    System.Formats.Asn1 (5.0.0-preview.8.20407.11)
      System.Buffers (>= 4.5.1)
      System.Memory (>= 4.5.4)
    System.Globalization (4.3)
      Microsoft.NETCore.Platforms (>= 1.1)
      Microsoft.NETCore.Targets (>= 1.1)
      System.Runtime (>= 4.3)
    System.IO (4.3)
      Microsoft.NETCore.Platforms (>= 1.1)
      Microsoft.NETCore.Targets (>= 1.1)
      System.Runtime (>= 4.3)
      System.Text.Encoding (>= 4.3)
      System.Threading.Tasks (>= 4.3)
    System.IO.Compression (4.3)
      Microsoft.NETCore.Platforms (>= 1.1)
      runtime.native.System (>= 4.3)
      runtime.native.System.IO.Compression (>= 4.3)
      System.Buffers (>= 4.3)
      System.Collections (>= 4.3)
      System.Diagnostics.Debug (>= 4.3)
      System.IO (>= 4.3)
      System.Resources.ResourceManager (>= 4.3)
      System.Runtime (>= 4.3)
      System.Runtime.Extensions (>= 4.3)
      System.Runtime.Handles (>= 4.3)
      System.Runtime.InteropServices (>= 4.3)
      System.Text.Encoding (>= 4.3)
      System.Threading (>= 4.3)
      System.Threading.Tasks (>= 4.3)
    System.IO.Compression.ZipFile (4.3)
      System.Buffers (>= 4.3)
      System.IO (>= 4.3)
      System.IO.Compression (>= 4.3)
      System.IO.FileSystem (>= 4.3)
      System.IO.FileSystem.Primitives (>= 4.3)
      System.Resources.ResourceManager (>= 4.3)
      System.Runtime (>= 4.3)
      System.Runtime.Extensions (>= 4.3)
      System.Text.Encoding (>= 4.3)
    System.IO.FileSystem (4.3)
      Microsoft.NETCore.Platforms (>= 1.1)
      Microsoft.NETCore.Targets (>= 1.1)
      System.IO (>= 4.3)
      System.IO.FileSystem.Primitives (>= 4.3)
      System.Runtime (>= 4.3)
      System.Runtime.Handles (>= 4.3)
      System.Text.Encoding (>= 4.3)
      System.Threading.Tasks (>= 4.3)
    System.IO.FileSystem.Primitives (4.3)
      System.Runtime (>= 4.3)
    System.Linq (4.3)
      System.Collections (>= 4.3)
      System.Diagnostics.Debug (>= 4.3)
      System.Resources.ResourceManager (>= 4.3)
      System.Runtime (>= 4.3)
      System.Runtime.Extensions (>= 4.3)
    System.Linq.Expressions (4.3)
      System.Collections (>= 4.3)
      System.Diagnostics.Debug (>= 4.3)
      System.Globalization (>= 4.3)
      System.IO (>= 4.3)
      System.Linq (>= 4.3)
      System.ObjectModel (>= 4.3)
      System.Reflection (>= 4.3)
      System.Reflection.Emit (>= 4.3)
      System.Reflection.Emit.ILGeneration (>= 4.3)
      System.Reflection.Emit.Lightweight (>= 4.3)
      System.Reflection.Extensions (>= 4.3)
      System.Reflection.Primitives (>= 4.3)
      System.Reflection.TypeExtensions (>= 4.3)
      System.Resources.ResourceManager (>= 4.3)
      System.Runtime (>= 4.3)
      System.Runtime.Extensions (>= 4.3)
      System.Threading (>= 4.3)
    System.Memory (4.5.4)
      System.Buffers (>= 4.5.1)
      System.Numerics.Vectors (>= 4.4)
      System.Runtime.CompilerServices.Unsafe (>= 4.5.3)
    System.Numerics.Vectors (4.5)
    System.ObjectModel (4.3)
      System.Collections (>= 4.3)
      System.Diagnostics.Debug (>= 4.3)
      System.Resources.ResourceManager (>= 4.3)
      System.Runtime (>= 4.3)
      System.Threading (>= 4.3)
    System.Reactive (4.4.1)
      System.Runtime.InteropServices.WindowsRuntime (>= 4.3)
      System.Threading.Tasks.Extensions (>= 4.5.4)
    System.Reflection (4.3)
      Microsoft.NETCore.Platforms (>= 1.1)
      Microsoft.NETCore.Targets (>= 1.1)
      System.IO (>= 4.3)
      System.Reflection.Primitives (>= 4.3)
      System.Runtime (>= 4.3)
    System.Reflection.Emit (4.7)
      System.Reflection.Emit.ILGeneration (>= 4.7)
    System.Reflection.Emit.ILGeneration (4.7)
    System.Reflection.Emit.Lightweight (4.7)
      System.Reflection.Emit.ILGeneration (>= 4.7)
    System.Reflection.Extensions (4.3)
      Microsoft.NETCore.Platforms (>= 1.1)
      Microsoft.NETCore.Targets (>= 1.1)
      System.Reflection (>= 4.3)
      System.Runtime (>= 4.3)
    System.Reflection.Metadata (1.8.1)
      System.Collections.Immutable (>= 1.7.1)
    System.Reflection.Primitives (4.3)
      Microsoft.NETCore.Platforms (>= 1.1)
      Microsoft.NETCore.Targets (>= 1.1)
      System.Runtime (>= 4.3)
    System.Reflection.TypeExtensions (4.7)
    System.Resources.Extensions (4.7.1)
      System.Memory (>= 4.5.4)
    System.Resources.ResourceManager (4.3)
      Microsoft.NETCore.Platforms (>= 1.1)
      Microsoft.NETCore.Targets (>= 1.1)
      System.Globalization (>= 4.3)
      System.Reflection (>= 4.3)
      System.Runtime (>= 4.3)
    System.Runtime (4.3.1)
      Microsoft.NETCore.Platforms (>= 1.1.1)
      Microsoft.NETCore.Targets (>= 1.1.3)
    System.Runtime.CompilerServices.Unsafe (4.7.1)
    System.Runtime.Extensions (4.3.1)
      Microsoft.NETCore.Platforms (>= 1.1.1)
      Microsoft.NETCore.Targets (>= 1.1.3)
      System.Runtime (>= 4.3.1)
    System.Runtime.Handles (4.3)
      Microsoft.NETCore.Platforms (>= 1.1)
      Microsoft.NETCore.Targets (>= 1.1)
      System.Runtime (>= 4.3)
    System.Runtime.InteropServices (4.3)
      Microsoft.NETCore.Platforms (>= 1.1)
      Microsoft.NETCore.Targets (>= 1.1)
      System.Reflection (>= 4.3)
      System.Reflection.Primitives (>= 4.3)
      System.Runtime (>= 4.3)
      System.Runtime.Handles (>= 4.3)
    System.Runtime.InteropServices.WindowsRuntime (4.3)
      System.Runtime (>= 4.3)
    System.Runtime.Numerics (4.3)
      System.Globalization (>= 4.3)
      System.Resources.ResourceManager (>= 4.3)
      System.Runtime (>= 4.3)
      System.Runtime.Extensions (>= 4.3)
    System.Security.AccessControl (4.7)
      System.Security.Principal.Windows (>= 4.7)
    System.Security.Cryptography.Algorithms (4.3.1)
      Microsoft.NETCore.Platforms (>= 1.1)
      runtime.native.System.Security.Cryptography.Apple (>= 4.3.1)
      runtime.native.System.Security.Cryptography.OpenSsl (>= 4.3.2)
      System.Collections (>= 4.3)
      System.IO (>= 4.3)
      System.Resources.ResourceManager (>= 4.3)
      System.Runtime (>= 4.3)
      System.Runtime.Extensions (>= 4.3)
      System.Runtime.Handles (>= 4.3)
      System.Runtime.InteropServices (>= 4.3)
      System.Runtime.Numerics (>= 4.3)
      System.Security.Cryptography.Encoding (>= 4.3)
      System.Security.Cryptography.Primitives (>= 4.3)
      System.Text.Encoding (>= 4.3)
    System.Security.Cryptography.Cng (5.0.0-preview.8.20407.11)
    System.Security.Cryptography.Csp (4.3)
      Microsoft.NETCore.Platforms (>= 1.1)
      System.IO (>= 4.3)
      System.Reflection (>= 4.3)
      System.Resources.ResourceManager (>= 4.3)
      System.Runtime (>= 4.3)
      System.Runtime.Extensions (>= 4.3)
      System.Runtime.Handles (>= 4.3)
      System.Runtime.InteropServices (>= 4.3)
      System.Security.Cryptography.Algorithms (>= 4.3)
      System.Security.Cryptography.Encoding (>= 4.3)
      System.Security.Cryptography.Primitives (>= 4.3)
      System.Text.Encoding (>= 4.3)
      System.Threading (>= 4.3)
    System.Security.Cryptography.Encoding (4.3)
      Microsoft.NETCore.Platforms (>= 1.1)
      runtime.native.System.Security.Cryptography.OpenSsl (>= 4.3)
      System.Collections (>= 4.3)
      System.Collections.Concurrent (>= 4.3)
      System.Linq (>= 4.3)
      System.Resources.ResourceManager (>= 4.3)
      System.Runtime (>= 4.3)
      System.Runtime.Extensions (>= 4.3)
      System.Runtime.Handles (>= 4.3)
      System.Runtime.InteropServices (>= 4.3)
      System.Security.Cryptography.Primitives (>= 4.3)
      System.Text.Encoding (>= 4.3)
    System.Security.Cryptography.Pkcs (5.0.0-preview.8.20407.11)
      System.Buffers (>= 4.5.1)
      System.Formats.Asn1 (>= 5.0.0-preview.8.20407.11)
      System.Memory (>= 4.5.4)
      System.Security.Cryptography.Cng (>= 5.0.0-preview.8.20407.11)
    System.Security.Cryptography.Primitives (4.3)
      System.Diagnostics.Debug (>= 4.3)
      System.Globalization (>= 4.3)
      System.IO (>= 4.3)
      System.Resources.ResourceManager (>= 4.3)
      System.Runtime (>= 4.3)
      System.Threading (>= 4.3)
      System.Threading.Tasks (>= 4.3)
    System.Security.Cryptography.ProtectedData (4.7)
      System.Memory (>= 4.5.3)
    System.Security.Permissions (4.7)
      System.Security.AccessControl (>= 4.7)
    System.Security.Principal.Windows (4.7)
    System.Text.Encoding (4.3)
      Microsoft.NETCore.Platforms (>= 1.1)
      Microsoft.NETCore.Targets (>= 1.1)
      System.Runtime (>= 4.3)
    System.Text.Encoding.CodePages (4.7.1)
      System.Runtime.CompilerServices.Unsafe (>= 4.7.1)
    System.Text.Encoding.Extensions (4.3)
      Microsoft.NETCore.Platforms (>= 1.1)
      Microsoft.NETCore.Targets (>= 1.1)
      System.Runtime (>= 4.3)
      System.Text.Encoding (>= 4.3)
    System.Threading (4.3)
      System.Runtime (>= 4.3)
      System.Threading.Tasks (>= 4.3)
    System.Threading.Tasks (4.3)
      Microsoft.NETCore.Platforms (>= 1.1)
      Microsoft.NETCore.Targets (>= 1.1)
      System.Runtime (>= 4.3)
    System.Threading.Tasks.Dataflow (4.11.1)
    System.Threading.Tasks.Extensions (4.5.4)
      System.Runtime.CompilerServices.Unsafe (>= 4.5.3)
    System.Threading.Thread (4.3)
      System.Runtime (>= 4.3)
    System.Threading.ThreadPool (4.3)
      System.Runtime (>= 4.3)
      System.Runtime.Handles (>= 4.3)
GITHUB
  remote: aardvark-platform/aardvark.fake
    FULLPROJECT (d00676647d255f05bb43bd9d62a692545925d0f8)
      Argu (>= 5.5 < 5.6)
      fake-cli (>= 5.20.1 < 5.21)
      Fake.Core.Target (>= 5.20.1 < 5.21)
      Fake.DotNet.Cli (>= 5.20.1 < 5.21)
      Fake.DotNet.MSBuild (>= 5.20.1 < 5.21)
      Fake.IO.FileSystem (>= 5.20.1 < 5.21)
      Fake.Tools.Git (>= 5.20.1 < 5.21)
      Mono.Cecil (>= 0.10.4 < 0.11)
      SourceLink.Fake (>= 1.1 < 1.2)
      System.IO.Compression.ZipFile (>= 4.3 < 4.4)
    FULLPROJECT (d00676647d255f05bb43bd9d62a692545925d0f8)
      Argu (>= 5.5 < 5.6)
      fake-cli (>= 5.20.1 < 5.21)
      Fake.Core.Target (>= 5.20.1 < 5.21)
      Fake.DotNet.Cli (>= 5.20.1 < 5.21)
      Fake.DotNet.MSBuild (>= 5.20.1 < 5.21)
      Fake.IO.FileSystem (>= 5.20.1 < 5.21)
      Fake.Tools.Git (>= 5.20.1 < 5.21)
      Mono.Cecil (>= 0.10.4 < 0.11)
      SourceLink.Fake (>= 1.1 < 1.2)
      System.IO.Compression.ZipFile (>= 4.3 < 4.4)