RESTRICTION: == net45
NUGET
  remote: https://vrvis.myget.org/F/aardvark_public/api/v3/index.json
    Aardvark.Base (3.0.56)
      DevILSharp (>= 0.1.1 < 0.2)
    Aardvark.Base.IO (3.0.56)
      Aardvark.Base (3.0.56)
      DevILSharp (>= 0.1.1 < 0.2)
  remote: https://api.nuget.org/v3/index.json
    Crc32C.NET (1.0.5)
    DevILSharp (0.1.2)
      FSharp.Core (>= 4.0 < 4.1)
    FSharp.Core (4.0.0.1)
    Newtonsoft.Json (9.0.1)
    NUnit (3.8.1)
    NUnit3TestAdapter (3.8)
    Uncodium.SimpleStore (1.0.12)

GROUP Build
CONTENT: NONE
RESTRICTION: == net45
NUGET
  remote: https://api.nuget.org/v3/index.json
    FAKE (4.63.2) - content: none
    Mono.Cecil (0.10.0-beta7) - content: none
    SourceLink.Fake (1.1) - content: none
GITHUB
  remote: aardvark-platform/aardvark.fake
    FULLPROJECT (0bd495d19630a51f886fb4a2374f64fe9088f09d)
      FAKE (>= 4.63 < 4.64)
      Mono.Cecil (>= 0.10.0-beta6 < 0.11)
      SourceLink.Fake (>= 1.1 < 1.2)